##TITLE= Parameter file, TOPSPIN		Version 3.1
##JCAMPDX= 5.0
##DATATYPE= Parameter Values
##NPOINTS= 3	$$ modification sequence number
##ORIGIN= Bruker BioSpin GmbH
##OWNER= hashimi
$$ 2017-10-25 14:00:33.026 -0400  hashimi@EP-10018760
$$ /opt/topspin3.1/hashimi/hs_20171026_A6m1G10_A6lbl_CTHSQC_5.4/104/acqu2
$$ process /opt/topspin3.1/prog/mod/dataserver
##$ACQT0= 0
##$BF1= 176.059144
##$FnMODE= 6
##$NUC1= <13C>
##$NusJSP= 0
##$NusT2= 1
##$NusTD= 0
##$O1= 13118.75
##$SFO1= 176.07226275
##$SW= 33.0060559105499
##$SW_h= 5811.45094862353
##$TD= 290
##END=
