##TITLE= Parameter file, TOPSPIN		Version 3.1
##JCAMPDX= 5.0
##DATATYPE= Parameter Values
##NPOINTS= 2	$$ modification sequence number
##ORIGIN= Bruker BioSpin GmbH
##OWNER= hashimi
$$ 2015-08-01 11:26:37.293 -0400  hashimi@EP-10018760
$$ /opt/topspin3.1/hashimi/Henry-080115-CA-echio-pH5-25/3/acqu2s
$$ process /opt/topspin3.1/prog/mod/go
##$ACQT0= 0
##$BF1= 70.925318
##$FnMODE= 5
##$NUC1= <15N>
##$NusJSP= 0
##$NusT2= 1
##$NusTD= 1
##$O1= 8980.77
##$SFO1= 70.93429877
##$SW= 4.28366833377564
##$SW_h= 303.859009419629
##$TD= 1
##END=
