##TITLE= Parameter file, TOPSPIN		Version 3.2
##JCAMPDX= 5.0
##DATATYPE= Parameter Values
##NPOINTS= 2999	$$ modification sequence number
##ORIGIN= Bruker BioSpin GmbH
##OWNER= nmr
$$ 2015-11-27 03:46:30.503 -0500  hashim@CZC3510JM8
$$ C:/Bruker/TopSpin3.2/conf/instr/spect/specpar
$$ process C:\Bruker\TopSpin3.2\prog\mod\cprserver.exe
##$ANCIEN= (0..7)
0 0 0 0 0 0 0 0
##$BF1= 100.13
##$BF2= 100.13
##$BF3= 100.13
##$DEC= 1
##$DECB= 1
##$DEF19F= yes
##$DEFRSEL= yes
##$HPMOD= (0..7)
0 0 0 0 0 0 0 0
##$HPPRECH= (0..15)
-1 -1 -1 -1 -1 -1 -1 -1 -1 -1 -1 -1 -1 -1 -1 -1
##$LOCSW19F= -1
##$LOCSW2H= -1
##$NUC1= 1
##$NUC2= 10
##$NUC3= 12
##$NUC4= 0
##$NUC5= 0
##$NUC6= 0
##$NUC7= 0
##$NUC8= 0
##$NUCARR= (0..123)
599.66 599.66 92.05146109 639.621186488 456.817611914 88.246481308 233.05064509
84.263101836 64.425419563 192.394758488 150.784626932 43.318748791 60.763020099
81.292650046 564.244146363 47.338935394 158.62146354 36.708996441 156.252560679
119.135573564 242.746817477 46.0299016 58.754141109 48.906620535 27.982372332
15.359121563 40.357291901 145.66789006 33.806036384 33.815049274 59.787954949
157.728257977 33.895757514 148.651024659 19.415659555 142.281771948 53.585923427
159.002685392 170.325585444 37.51954487 143.926519396 182.876535206 20.918029729
102.677467112 114.364234856 31.288591745 150.238696468 161.947285839 23.07251816
57.896831194 196.211474456 25.988197005 29.384527327 55.746180587 146.773801022
39.079398452 39.899547437 134.973427692 27.615248487 30.950665345 19.10784808
27.44104126 24.273151415 27.905375988 127.220747368 133.083593205 131.120186433
131.401271061 196.201250253 213.672404319 223.617003851 143.502098038 77.711240662
156.929474877 189.191344785 119.976890548 166.766561368 49.435496669 78.652257117
59.572964846 66.639784045 79.12093938 84.705818821 183.615892 32.68147
20.148576 25.005822 20.628304 149.075476 65.842668 18.409562 24.166298
144.158264 20.628304 28.903612 127.967444 17.270208 49.711814 104.93633836
28.9096086 68.3852264 48.7583546 24.0283762 15.0934422 71.89683536 24.984156284
135.07101636 136.43224456 13.686226075 46.56599764 10.3021588 11.2196386
128.907614934 10.3681214 107.404035205 39.647018618 342.54498112 345.906902951
125.452463963 96.361092421 11.04213924 100 100 100
##$OBS= 1
##$OFFSF= (0..7)
0 0 0 0 0 0 0 0
##$OFFSH= (0..7)
2816.60000007378 0 0 0 0 0 0 0
##$OFFSX= (0..7)
9296.74 22617.7 0 0 0 0 0 0
##$OFFSXAS= (0..7)
0 0 0 0 0 0 0 0
##$OFSF1= 0
##$OFSF2= 0
##$OFSH1= 0
##$OFSH2= 0
##$OFSH3= 0
##$OFSX1= 0
##$OFSX2= 0
##$OFSY= 0
##$PACOIL= (0..15)
0 0 0 0 0 0 0 0 0 0 0 0 0 0 0 0
##$PRECHAN= (0..15)
-1 4 0 1 3 5 -1 -1 -1 -1 -1 -1 -1 -1 -1 -1
##$RECPRE= (0..15)
-1 0 -1 -1 -1 -1 -1 -1 -1 -1 -1 -1 -1 -1 -1 -1
##$RECSEL= (0..15)
0 0 0 0 1 0 0 0 0 0 0 0 0 0 0 0
##$SELREC= (0..9)
0 0 0 0 0 0 0 0 0 0
##$SFO1= 599.66
##$SFO2= 150.784627
##$SFO3= 60.76302
##$SFO4= 599.66
##$SFO5= 599.66
##$SFO6= 599.66
##$SFO7= 599.66
##$SFO8= 599.66
##$TY= (0..123)
0 0 0 0 0 0 0 0 0 0 0 0 0 0 0 0 0 0 0 0 0 0 0 0 0 0 0 0 0 0 0 0 0 0 0 0
0 0 0 0 0 0 0 0 0 0 0 0 0 0 0 0 0 0 0 0 0 0 0 0 0 0 0 0 0 0 0 0 0 0 0 0
0 0 0 0 0 0 0 0 0 0 0 0 0 0 0 0 0 0 0 0 0 0 0 0 0 0 0 0 0 0 0 0 0 0 0 0
0 0 0 0 0 0 0 0 0 0 0 0 0 0 0 0
##END=
