##TITLE= Parameter file, XWIN-NMR		Version 3.6
##JCAMPDX= 5.0
##DATATYPE= Parameter Values
##ORIGIN= Bruker BioSpin GmbH
##OWNER= hashimi
$$ Sat Jul  9 19:26:50 2011 EDT (UT-4h)  hashimi@bloch600
$$ /opt/xwinnmr/data/hashimi/nmr/evgenia_AT6ul_m1dG10A16_pH5.2_09Jul11/1/scon
##$BLKPA= (0..15)
3 3 3 3 3 3 3 3 3 3 3 3 3 3 3 3 
##$BLKTR= (0..15)
3 3 3 3 3 3 3 3 3 3 3 3 3 3 3 3 
##$DE1= 2
##$DE2= 2
##$DEADC= 4
##$DEPA= 2
##$DERX= 3
##$PHASP4= (0..15)
0.5 0.5 0.5 0.5 0.5 0.5 0.5 0.5 0.5 0.5 0.5 0.5 0.5 0.5 0.5 0.5 
##$PHASPR= (0..15)
3 3 3 3 3 3 3 3 3 3 3 3 3 3 3 3 
##$SHAPPR= (0..15)
1.6 1.6 1.6 1.6 1.6 1.6 1.6 1.6 1.6 1.6 1.6 1.6 1.6 1.6 1.6 1.6 
##END=
