##TITLE= Parameter file, TOPSPIN		Version 3.1
##JCAMPDX= 5.0
##DATATYPE= Parameter Values
##NPOINTS= 258	$$ modification sequence number
##ORIGIN= Bruker BioSpin GmbH
##OWNER= hashimi
$$ 2018-08-19 23:51:02.383 -0400  hashimi@EP-10018760
$$ /opt/topspin3.1/hashimi/hs_20180819_A6DNAm3T9_6.8_HHTOCSY/900/acqu2s
$$ process /opt/topspin3.1/prog/mod/go
##$ACQT0= 0
##$BF1= 176.059144
##$FnMODE= 6
##$NUC1= <13C>
##$NusJSP= 0
##$NusT2= 1
##$NusTD= 256
##$O1= 25004.86
##$SFO1= 176.08414886
##$SW= 28.0034659641538
##$SW_h= 4930.96646942801
##$TD= 256
##END=
