##TITLE= Parameter file, TOPSPIN		Version 3.1
##JCAMPDX= 5.0
##DATATYPE= Parameter Values
##NPOINTS= 462	$$ modification sequence number
##ORIGIN= Bruker BioSpin GmbH
##OWNER= hashimi
$$ 2016-09-17 08:14:48.164 -0400  hashimi@EP-10018760
$$ /opt/topspin3.1/hashimi/Henry-091716-CA-deazaG-Echin-pH5.3-25C/102/acqu2s
$$ process /opt/topspin3.1/prog/mod/go
##$ACQT0= 0
##$BF1= 176.090575
##$FnMODE= 5
##$NUC1= <13C>
##$NusJSP= 0
##$NusT2= 1
##$NusTD= 460
##$O1= 25522.92
##$SFO1= 176.11609792
##$SW= 29.9792642907912
##$SW_h= 5279.83104540655
##$TD= 460
##END=
