##TITLE= Parameter file, TOPSPIN		Version 3.1
##JCAMPDX= 5.0
##DATATYPE= Parameter Values
##NPOINTS= 10	$$ modification sequence number
##ORIGIN= Bruker BioSpin GmbH
##OWNER= hashimi
$$ 2016-09-17 00:31:41.678 -0400  hashimi@EP-10018760
$$ /opt/topspin3.1/hashimi/Henry-091716-CA-deazaG-Echin-pH5.3-25C/102/acqu2
$$ process /opt/topspin3.1/prog/mod/dataserver
##$ACQT0= 0
##$BF1= 176.090575
##$FnMODE= 5
##$NUC1= <13C>
##$NusJSP= 0
##$NusT2= 1
##$NusTD= 0
##$O1= 25522.92
##$SFO1= 176.11609792
##$SW= 29.9880068892634
##$SW_h= 5281.37075773515
##$TD= 460
##END=
