##TITLE= Parameter file, TOPSPIN		Version 3.1
##JCAMPDX= 5.0
##DATATYPE= Parameter Values
##NPOINTS= 6	$$ modification sequence number
##ORIGIN= Bruker BioSpin GmbH
##OWNER= hashimi
$$ 2019-05-08 20:14:44.093 -0400  hashimi@EP-10018760
$$ /opt/topspin3.1/hashimi/hs_20190508_A2-tbl-DNA_HSQC_5.4_25C/101/acqu2
$$ process /opt/topspin3.1/prog/mod/dataserver
##$ACQT0= 0
##$BF1= 176.040531
##$FnMODE= 6
##$NUC1= <13C>
##$NusJSP= 0
##$NusT2= 1
##$NusTD= 0
##$O1= 14965.03
##$SFO1= 176.05549603
##$SW= 10.0010572232995
##$SW_h= 1760.7410902724
##$TD= 100
##END=
