##TITLE= Parameter file, TOPSPIN		Version 3.1
##JCAMPDX= 5.0
##DATATYPE= Parameter Values
##NPOINTS= 26191	$$ modification sequence number
##ORIGIN= Bruker BioSpin GmbH
##OWNER= nmr
$$ 2019-05-05 18:23:04.965 -0400  hashimi@EP-10018760
$$ /opt/topspin3.1/conf/instr/spect/specpar
$$ process /opt/topspin3.1/prog/mod/cprserver
##$HPPRECH= (0..15)
-1 -1 -1 -1 -1 -1 -1 -1 -1 -1 -1 -1 -1 -1 -1 -1
##$NUC1= 1
##$NUC2= 10
##$NUC3= 12
##$NUC4= 0
##$NUC5= 0
##$NUC6= 0
##$NUC7= 0
##$NUC8= 0
##$NUCARR= (0..123)
700.100974 700.100974 107.469763 746.75552 533.33298 103.027462 272.085819
98.376879 75.216454 224.620214 176.040531 50.574489 70.940615 94.908887
658.753085 55.268042 185.19001 42.857626 182.424324 139.090371 283.40607
53.739751 68.595257 57.098311 32.669323 17.931721 47.116998 170.066756
39.468431 39.478953 69.80223 184.147193 39.573179 173.549556 22.667715
166.113477 62.561382 185.635087 198.854531 43.803938 168.033714 213.507724
24.421728 119.875587 133.519849 36.529324 175.403158 189.072897 26.937085
67.594349 229.076216 30.341131 34.306335 65.083473 171.357906 45.625063
46.582583 157.581011 32.240708 36.134794 22.308347 32.03732 28.33882 32.579429
148.529784 155.374634 153.082364 153.410528 229.064281 249.461794 261.072078
167.538202 90.727604 183.214619 220.88024 140.072604 194.699382 57.715771
91.826239 69.55123 77.801718 92.373422 98.893751 214.370919 38.155504 23.523393
29.194211 24.083474 174.045102 76.871086 21.4931 28.21407 168.304274 24.083474
33.744868 149.401548 20.162907 58.038372 122.512813 33.751868 79.839515
56.92521 28.053047 17.621542 83.939307 29.168916 157.694945 159.284173
15.97862 54.365641 12.027735 13.098889 150.499196 12.104746 125.393839
46.287758 399.92008 403.845111 146.465317 112.501242 12.89166 100 100 100
##$OFFSF= (0..7)
0 0 0 0 0 0 0 0
##$OFFSH= (0..7)
3295.00000009375 5 0 0 0 0 0 0
##$OFFSX= (0..7)
22011.3000000026 10928.0000000069 510.599999998362 0 0 0 0 0
##$PRECHAN= (0..15)
-1 3 0 2 4 -1 -1 -1 -1 -1 -1 -1 -1 -1 -1 -1
##$RECPRE= (0..15)
-1 0 -1 -1 -1 -1 -1 -1 -1 -1 -1 -1 -1 -1 -1 -1
##$RECSEL= (0..15)
0 0 0 0 1 0 0 0 0 0 0 0 0 0 0 0
##$SELREC= (0..9)
0 0 0 0 0 0 0 0 0 0
##$SFO1= 700.100974
##$SFO2= 176.040531
##$SFO3= 70.940615
##$SFO4= 700.100974
##$SFO5= 700.100974
##$SFO6= 700.100974
##$SFO7= 700.100974
##$SFO8= 700.100974
##END=
