##TITLE= Parameter file, TOPSPIN		Version 3.2
##JCAMPDX= 5.0
##DATATYPE= Parameter Values
##NPOINTS= 89	$$ modification sequence number
##ORIGIN= Bruker BioSpin GmbH
##OWNER= hashim
$$ 2016-09-21 11:14:01.494 -0400  hashim@CZC3510JM8
$$ C:/Bruker/TopSpin3.2/hashimi/hs_20160921_A6dsDNA/5/acqu2s
$$ process C:\Bruker\TopSpin3.2\prog\mod\go.exe
##$ACQT0= 0
##$BF1= 60.763020099
##$FnMODE= 5
##$NUC1= <15N>
##$NusJSP= 0
##$NusT2= 1
##$NusTD= 88
##$O1= 9235.979055048
##$SFO1= 60.7722560780551
##$SW= 19.9986351727345
##$SW_h= 1215.36217792902
##$TD= 88
##END=
