##TITLE= Parameter file, TOPSPIN		Version 3.1
##JCAMPDX= 5.0
##DATATYPE= Parameter Values
##NPOINTS= 7696	$$ modification sequence number
##ORIGIN= Bruker BioSpin GmbH
##OWNER= nmr
$$ 2015-02-15 16:32:07.648 -0500  hashimi@EP-10018760
$$ /opt/topspin3.1/conf/instr/spect/specpar
$$ process /opt/topspin3.1/prog/mod/cprserver
##$HPPRECH= (0..15)
-1 -1 -1 -1 -1 -1 -1 -1 -1 -1 -1 -1 -1 -1 -1 -1
##$NUC1= 1
##$NUC2= 10
##$NUC3= 0
##$NUC4= 0
##$NUC5= 0
##$NUC6= 0
##$NUC7= 0
##$NUC8= 0
##$NUCARR= (0..123)
699.95 699.95 107.446587 746.594486 533.217969 103.005244 272.027147 98.355665
75.200234 224.571776 176.002567 50.563583 70.925318 94.888421 658.61103
55.256125 185.150074 42.848384 182.384985 139.060375 283.344954 53.728162
68.580464 57.085997 32.662278 17.927854 47.106838 170.030083 39.459919
39.470439 69.787178 184.107485 39.564646 173.512131 22.662827 166.077654
62.547889 185.595053 198.811649 43.794493 167.997477 213.46168 24.416461
119.849737 133.491055 36.521445 175.365333 189.032123 26.931276 67.579774
229.026818 30.334587 34.298936 65.069438 171.320952 45.615224 46.572538
157.547028 32.233754 36.127002 22.303536 32.030412 28.332709 32.572404
148.497752 155.341128 153.049352 153.377447 229.014884 249.407997 261.015779
167.502074 90.708039 183.175109 220.832608 140.042398 194.657397 57.703325
91.806436 69.536232 77.78494 92.353503 98.872424 214.32469 38.147275 23.51832
29.187915 24.07828 174.00757 76.85451 21.488465 28.207985 168.26798 24.07828
33.73759 149.36933 20.15856 58.025855 122.486392 33.74459 79.822298 56.912935
28.046997 17.617742 83.921205 29.162626 157.660938 159.249824 15.975176
54.353917 12.025141 13.096065 150.46674 12.102136 125.366799 46.277775
399.833838 403.758024 146.433733 112.476981 12.888879 100 100 100
##$OFFSF= (0..7)
0 0 0 0 0 0 0 0
##$OFFSH= (0..7)
3324.89999993868 5 0 0 0 0 0 0
##$OFFSX= (0..7)
25080.4000000073 13122.4999999944 510.600000012573 0 0 0 0 0
##$PRECHAN= (0..15)
-1 3 0 2 4 -1 -1 -1 -1 -1 -1 -1 -1 -1 -1 -1
##$RECPRE= (0..15)
-1 0 -1 -1 -1 -1 -1 -1 -1 -1 -1 -1 -1 -1 -1 -1
##$RECSEL= (0..15)
0 0 0 0 1 0 0 0 0 0 0 0 0 0 0 0
##$SELREC= (0..9)
0 0 0 0 0 0 0 0 0 0
##$SFO1= 699.95
##$SFO2= 176.002567
##$SFO3= 699.95
##$SFO4= 699.95
##$SFO5= 699.95
##$SFO6= 699.95
##$SFO7= 699.95
##$SFO8= 699.95
##END=
