##TITLE= Parameter file, TOPSPIN		Version 3.1
##JCAMPDX= 5.0
##DATATYPE= Parameter Values
##NPOINTS= 18799	$$ modification sequence number
##ORIGIN= Bruker BioSpin GmbH
##OWNER= nmr
$$ 2017-06-27 12:05:59.261 -0400  hashimi@EP-10018760
$$ /opt/topspin3.1/conf/instr/spect/specpar
$$ process /opt/topspin3.1/prog/mod/cprserver
##$HPPRECH= (0..15)
-1 -1 -1 -1 -1 -1 -1 -1 -1 -1 -1 -1 -1 -1 -1 -1
##$NUC1= 1
##$NUC2= 10
##$NUC3= 12
##$NUC4= 0
##$NUC5= 0
##$NUC6= 0
##$NUC7= 0
##$NUC8= 0
##$NUCARR= (0..123)
700.175 700.175 107.481126 746.83448 533.389373 103.038355 272.11459 98.387281
75.224407 224.643965 176.059144 50.579837 70.948117 94.918922 658.822741
55.273887 185.209591 42.862158 182.443613 139.105077 283.436035 53.745433
68.60251 57.104347 32.672777 17.933617 47.12198 170.084739 39.472604 39.483127
69.809611 184.166666 39.577363 173.567907 22.670112 166.13104 62.567995
185.654713 198.875557 43.80857 168.05148 213.530297 24.42431 119.888263
133.533967 36.533185 175.421705 189.092888 26.939933 67.601497 229.100438
30.344338 34.309962 65.090355 171.376024 45.629887 46.587509 157.597672
32.244116 36.138615 22.310705 32.040708 28.341816 32.582875 148.545487
155.391064 153.09855 153.42675 229.088501 249.48817 261.099683 167.555918
90.737198 183.233991 220.903595 140.087415 194.71997 57.721874 91.835947
69.558584 77.809944 92.38319 98.904207 214.393585 38.159538 23.52588 29.197298
24.08602 174.063505 76.879215 21.495373 28.217053 168.32207 24.08602 33.748435
149.417345 20.16504 58.044508 122.525766 33.755437 79.847957 56.931229
28.056012 17.623405 83.948182 29.172 157.711618 159.301015 15.980311 54.371389
12.029007 13.100274 150.515107 12.106026 125.407097 46.292652 399.962366
403.887813 146.480804 112.513137 12.893022 100 100 100
##$OFFSF= (0..7)
0 0 0 0 0 0 0 0
##$OFFSH= (0..7)
3295.70000008061 5 0 0 0 0 0 0
##$OFFSX= (0..7)
14484.1999999983 12061.2000000051 510.599999998362 0 0 0 0 0
##$PRECHAN= (0..15)
-1 3 0 2 4 -1 -1 -1 -1 -1 -1 -1 -1 -1 -1 -1
##$RECPRE= (0..15)
-1 0 -1 -1 -1 -1 -1 -1 -1 -1 -1 -1 -1 -1 -1 -1
##$RECSEL= (0..15)
0 0 0 0 1 0 0 0 0 0 0 0 0 0 0 0
##$SELREC= (0..9)
0 0 0 0 0 0 0 0 0 0
##$SFO1= 700.178296
##$SFO2= 176.073628
##$SFO3= 70.960178
##$SFO4= 700.175
##$SFO5= 600.185
##$SFO6= 600.185
##$SFO7= 600.185
##$SFO8= 600.185
##END=
