##TITLE= Parameter file, TOPSPIN		Version 3.1
##JCAMPDX= 5.0
##DATATYPE= Parameter Values
##NPOINTS= 2	$$ modification sequence number
##ORIGIN= Bruker BioSpin GmbH
##OWNER= hashimi
$$ 2016-06-23 06:41:41.713 -0400  hashimi@EP-10018760
$$ /opt/topspin3.1/hashimi/Henry-062316-ACACGTAT-Echin-pH6.8-10C/3/acqu2
$$ process /opt/topspin3.1/prog/mod/dataserver
##$ACQT0= 0
##$BF1= 70.960783
##$FnMODE= 5
##$NUC1= <15N>
##$NusJSP= 0
##$NusT2= 1
##$NusTD= 0
##$O1= 10856.999799
##$SFO1= 70.971639999799
##$SW= 4.28154171897215
##$SW_h= 303.860004366853
##$TD= 1
##END=
