##TITLE= Parameter file, TOPSPIN		Version 3.2
##JCAMPDX= 5.0
##DATATYPE= Parameter Values
##NPOINTS= 2266	$$ modification sequence number
##ORIGIN= Bruker BioSpin GmbH
##OWNER= hashim
$$ 2015-05-03 07:59:44.318 -0400  hashim@CZC3510JM8
$$ C:/Bruker/TopSpin3.2/hashimi/Henry-050215-DNA-CA-echino/6/acqu2s
$$ process C:\Bruker\TopSpin3.2\prog\mod\go.exe
##$ACQT0= 0
##$BF1= 599.66
##$FnMODE= 5
##$NUC1= <1H>
##$NusJSP= 0
##$NusT2= 1
##$NusTD= 2264
##$O1= 2816.00336
##$SFO1= 599.66281600336
##$SW= 24.0288734226545
##$SW_h= 14409.2219020173
##$TD= 2264
##END=
