##TITLE= Parameter file, TOPSPIN		Version 3.2
##JCAMPDX= 5.0
##DATATYPE= Parameter Values
##NPOINTS= 162	$$ modification sequence number
##ORIGIN= Bruker BioSpin GmbH
##OWNER= hashim
$$ 2015-03-13 10:03:51.962 -0400  hashim@CZC3510JM8
$$ C:/Bruker/TopSpin3.2/hashimi/ijk-031215-dul-a-HenryXY2/7/acqu2s
$$ process C:\Bruker\TopSpin3.2\prog\mod\go.exe
##$ACQT0= 0
##$BF1= 60.763020099
##$FnMODE= 5
##$NUC1= <15N>
##$NusJSP= 0
##$NusT2= 1
##$NusTD= 160
##$O1= 9235.979055048
##$SFO1= 60.7722560780551
##$SW= 19.9986351727345
##$SW_h= 1215.36217792902
##$TD= 160
##END=
