##TITLE= Parameter file, TOPSPIN		Version 3.2
##JCAMPDX= 5.0
##DATATYPE= Parameter Values
##NPOINTS= 13	$$ modification sequence number
##ORIGIN= Bruker BioSpin GmbH
##OWNER= hashim
$$ 2015-03-12 13:54:55.701 -0400  hashim@CZC3510JM8
$$ C:/Bruker/TopSpin3.2/hashimi/ijk-031215-dul-a-HenryXY2/7/acqu2
$$ process C:\Bruker\TopSpin3.2\prog\mod\dataserver.exe
##$ACQT0= 0
##$BF1= 60.763020099
##$FnMODE= 5
##$NUC1= <15N>
##$NusJSP= 0
##$NusT2= 1
##$NusTD= 0
##$O1= 9235.979055048
##$SFO1= 60.7722560780551
##$SW= 20.0000599908814
##$SW_h= 1215.44876734231
##$TD= 160
##END=
