##TITLE= Parameter file, TOPSPIN		Version 3.2
##JCAMPDX= 5.0
##DATATYPE= Parameter Values
##NPOINTS= 5	$$ modification sequence number
##ORIGIN= Bruker BioSpin GmbH
##OWNER= hashim
$$ 2015-03-12 11:20:42.449 -0400  hashim@CZC3510JM8
$$ C:/Bruker/TopSpin3.2/hashimi/ijk-031215-dul-a-HenryXY2/5/acqu2
$$ process C:\Bruker\TopSpin3.2\prog\mod\dataserver.exe
##$ACQT0= 0
##$BF1= 150.784626932
##$FnMODE= 6
##$NUC1= <13C>
##$NusJSP= 0
##$NusT2= 1
##$NusTD= 0
##$O1= 21863.77090514
##$SFO1= 150.806490702905
##$SW= 27.9999720040594
##$SW_h= 4222.57751771178
##$TD= 512
##END=
