##TITLE= Parameter file, TOPSPIN		Version 3.1
##JCAMPDX= 5.0
##DATATYPE= Parameter Values
##NPOINTS= 28890	$$ modification sequence number
##ORIGIN= Bruker BioSpin GmbH
##OWNER= nmr
$$ 2020-06-27 13:39:53.238 -0400  hashimi@EP-10018760
$$ /opt/topspin3.1/conf/instr/spect/specpar
$$ process /opt/topspin3.1/prog/mod/cprserver
##$HPPRECH= (0..15)
-1 -1 -1 -1 -1 -1 -1 -1 -1 -1 -1 -1 -1 -1 -1 -1
##$NUC1= 1
##$NUC2= 0
##$NUC3= 0
##$NUC4= 0
##$NUC5= 0
##$NUC6= 0
##$NUC7= 0
##$NUC8= 0
##$NUCARR= (0..123)
700.062685 700.062685 107.463885 746.714679 533.303812 103.021827 272.070938
98.371499 75.21234 224.607929 176.030903 50.571723 70.936735 94.903696
658.717057 55.265019 185.179882 42.855282 182.414347 139.082764 283.39057
53.736812 68.591505 57.095188 32.667536 17.93074 47.114421 170.057455 39.466272
39.476794 69.798412 184.137122 39.571015 173.540064 22.666475 166.104392
62.55796 185.624934 198.843656 43.801542 168.024524 213.496047 24.420392
119.869031 133.512547 36.527326 175.393565 189.062556 26.935612 67.590652
229.063688 30.339472 34.304459 65.079914 171.348534 45.622568 46.580035
157.572393 32.238945 36.132818 22.307127 32.035568 28.33727 32.577647 148.521661
155.366136 153.073992 153.402138 229.051753 249.448151 261.0578 167.529039
90.722642 183.204599 220.86816 140.064943 194.688734 57.712614 91.821217
69.547426 77.797463 92.36837 98.888342 214.359195 38.153417 23.522106 29.192614
24.082157 174.035583 76.866882 21.491925 28.212527 168.295069 24.082157
33.743022 149.393377 20.161804 58.035198 122.506113 33.750022 79.835149
56.922097 28.051513 17.620578 83.934716 29.167321 157.686321 159.275462
15.977746 54.362668 12.027077 13.098173 150.490965 12.104084 125.386981
46.285226 399.898208 403.823024 146.457307 112.495089 12.890955 100 100
100
##$OFFSF= (0..7)
0 0 0 0 0 0 0 0
##$OFFSH= (0..7)
3297.40000006495 5 0 0 0 0 0 0
##$OFFSX= (0..7)
25437.299999993 14187.3000000032 510.599999998362 0 0 0 0 0
##$PRECHAN= (0..15)
-1 3 0 2 4 -1 -1 -1 -1 -1 -1 -1 -1 -1 -1 -1
##$RECPRE= (0..15)
-1 0 -1 -1 -1 -1 -1 -1 -1 -1 -1 -1 -1 -1 -1 -1
##$RECSEL= (0..15)
0 0 0 0 1 0 0 0 0 0 0 0 0 0 0 0
##$SELREC= (0..9)
0 0 0 0 0 0 0 0 0 0
##$SFO1= 700.065982
##$SFO2= 700.067008
##$SFO3= 700.067008
##$SFO4= 700.067008
##$SFO5= 700.067008
##$SFO6= 700.067008
##$SFO7= 700.067008
##$SFO8= 700.067008
##END=
