##TITLE= Parameter file, TOPSPIN		Version 3.2
##JCAMPDX= 5.0
##DATATYPE= Parameter Values
##NPOINTS= 2	$$ modification sequence number
##ORIGIN= Bruker BioSpin GmbH
##OWNER= hashim
$$ 2020-07-06 15:29:04.803 -0400  hashim@CZC3510JM8
$$ C:/Bruker/TopSpin3.2/hashimi/hs_20200706_scaf2-TGC_low_5.4_HSQC_30C/101/acqu2
$$ process C:\Bruker\TopSpin3.2\prog\mod\dataserver.exe
##$ACQT0= 0
##$BF1= 150.784627
##$FnMODE= 6
##$NUC1= <13C>
##$NusJSP= 0
##$NusT2= 1
##$NusTD= 0
##$O1= 12816.693295
##$SFO1= 150.797443693295
##$SW= 11.6736734061121
##$SW_h= 1760.3601081521
##$TD= 120
##END=
