##TITLE= Parameter file, TOPSPIN		Version 3.1
##JCAMPDX= 5.0
##DATATYPE= Parameter Values
##NPOINTS= 4	$$ modification sequence number
##ORIGIN= Bruker BioSpin GmbH
##OWNER= hashimi
$$ 2017-06-27 12:00:43.097 -0400  hashimi@EP-10018760
$$ /opt/topspin3.1/hashimi/hs_20170627_A6lbl_CTHSQC/3/acqu2
$$ process /opt/topspin3.1/prog/mod/dataserver
##$ACQT0= 0
##$BF1= 176.059144
##$FnMODE= 6
##$NUC1= <13C>
##$NusJSP= 0
##$NusT2= 1
##$NusTD= 0
##$O1= 25092.91
##$SFO1= 176.08423691
##$SW= 24.9918284636078
##$SW_h= 4400.667044
##$TD= 400
##END=
