##TITLE= Parameter file, TOPSPIN		Version 3.1
##JCAMPDX= 5.0
##DATATYPE= Parameter Values
##NPOINTS= 152	$$ modification sequence number
##ORIGIN= Bruker BioSpin GmbH
##OWNER= hashimi
$$ 2018-06-19 21:40:49.902 -0400  hashimi@EP-10018760
$$ /opt/topspin3.1/hashimi/Henry-061818-A2DNA-m1A1617-pH6.8-10C-150NaCl/10/acqu2s
$$ process /opt/topspin3.1/prog/mod/go
##$ACQT0= 0
##$BF1= 176.059144
##$FnMODE= 5
##$NUC1= <13C>
##$NusJSP= 0
##$NusT2= 1
##$NusTD= 150
##$O1= 24613.0683312
##$SFO1= 176.083757068331
##$SW= 14.001764136355
##$SW_h= 2465.483234714
##$TD= 150
##END=
