##TITLE= Parameter file, TOPSPIN		Version 3.1
##JCAMPDX= 5.0
##DATATYPE= Parameter Values
##NPOINTS= 14789	$$ modification sequence number
##ORIGIN= Bruker BioSpin GmbH
##OWNER= nmr
$$ 2016-06-14 14:17:11.671 -0400  hashimi@EP-10018760
$$ /opt/topspin3.1/conf/instr/spect/specpar
$$ process /opt/topspin3.1/prog/mod/cprserver
##$HPPRECH= (0..15)
-1 -1 -1 -1 -1 -1 -1 -1 -1 -1 -1 -1 -1 -1 -1 -1
##$NUC1= 1
##$NUC2= 10
##$NUC3= 12
##$NUC4= 0
##$NUC5= 0
##$NUC6= 0
##$NUC7= 0
##$NUC8= 0
##$NUCARR= (0..123)
700.3 700.3 107.500314 746.96781 533.484597 103.05675 272.16317 98.404846
75.237837 224.68407 176.090575 50.588867 70.960783 94.935868 658.940359
55.283755 185.242656 42.86981 182.476184 139.129911 283.486636 53.755028
68.614757 57.114542 32.67861 17.936819 47.130393 170.115104 39.479651 39.490176
69.822074 184.199545 39.584429 173.598894 22.674159 166.160699 62.579165
185.687857 198.911062 43.816391 168.081482 213.568418 24.42867 119.909666
133.557806 36.539707 175.453022 189.126646 26.944743 67.613566 229.141339
30.349755 34.316087 65.101975 171.406619 45.638033 46.595826 157.625807
32.249872 36.145067 22.314688 32.046428 28.346876 32.588692 148.572006
155.418805 153.125882 153.454141 229.129399 249.53271 261.146296 167.585831
90.753397 183.266703 220.943032 140.112424 194.754733 57.732179 91.852342
69.571002 77.823835 92.399683 98.921864 214.43186 38.16635 23.53008 29.20251
24.09032 174.09458 76.89294 21.49921 28.22209 168.35212 24.09032 33.75446
149.44402 20.16864 58.05487 122.54764 33.761463 79.862212 56.941393 28.061021
17.626551 83.963169 29.177208 157.739774 159.329455 15.983164 54.381096
12.031154 13.102613 150.541978 12.108187 125.429486 46.300916 400.03377
403.959918 146.506955 112.533224 12.895324 100 100 100
##$OFFSF= (0..7)
0 0 0 0 0 0 0 0
##$OFFSH= (0..7)
3360.00000004333 5 0 0 0 0 0 0
##$OFFSX= (0..7)
28427.3000000042 10852.6999999867 510.599999998362 0 0 0 0 0
##$PRECHAN= (0..15)
-1 3 0 2 4 -1 -1 -1 -1 -1 -1 -1 -1 -1 -1 -1
##$RECPRE= (0..15)
-1 0 -1 -1 -1 -1 -1 -1 -1 -1 -1 -1 -1 -1 -1 -1
##$RECSEL= (0..15)
0 0 0 0 1 0 0 0 0 0 0 0 0 0 0 0
##$SELREC= (0..9)
0 0 0 0 0 0 0 0 0 0
##$SFO1= 700.30336
##$SFO2= 176.119002
##$SFO3= 70.971636
##$SFO4= 700.302843
##$SFO5= 700.3
##$SFO6= 700.3
##$SFO7= 700.3
##$SFO8= 700.3
##END=
