##TITLE= Parameter file, TOPSPIN		Version 3.1
##JCAMPDX= 5.0
##DATATYPE= Parameter Values
##NPOINTS= 146	$$ modification sequence number
##ORIGIN= Bruker BioSpin GmbH
##OWNER= hashimi
$$ 2018-11-05 13:22:44.300 -0500  hashimi@EP-10018760
$$ /opt/topspin3.1/hashimi/Henry-110418-CA-m1G-Echin-pH6.8-25C-150NaCl/102/acqu2s
$$ process /opt/topspin3.1/prog/mod/go
##$ACQT0= 0
##$BF1= 176.059144
##$FnMODE= 5
##$NUC1= <13C>
##$NusJSP= 0
##$NusT2= 1
##$NusTD= 144
##$O1= 24472.221016
##$SFO1= 176.083616221016
##$SW= 9.99845083867356
##$SW_h= 1760.56338028169
##$TD= 144
##END=
