##TITLE= Parameter file, TOPSPIN		Version 3.1
##JCAMPDX= 5.0
##DATATYPE= Parameter Values
##NPOINTS= 26	$$ modification sequence number
##ORIGIN= Bruker BioSpin GmbH
##OWNER= hashimi
$$ 2019-05-08 21:01:42.302 -0400  hashimi@EP-10018760
$$ /opt/topspin3.1/hashimi/hs_20190508_T2-tbl-DNA_HSQC_5.4_25C/3/acqu2
$$ process /opt/topspin3.1/prog/mod/dataserver
##$ACQT0= 0
##$BF1= 176.040531
##$FnMODE= 6
##$NUC1= <13C>
##$NusJSP= 0
##$NusT2= 1
##$NusTD= 0
##$O1= 23887.1685040803
##$SFO1= 176.064418168504
##$SW= 24.9946416759138
##$SW_h= 4400.667044
##$TD= 1
##END=
