##TITLE= Parameter file, TOPSPIN		Version 3.2
##JCAMPDX= 5.0
##DATATYPE= Parameter Values
##NPOINTS= 5	$$ modification sequence number
##ORIGIN= Bruker BioSpin GmbH
##OWNER= hashim
$$ 2015-05-02 12:45:54.697 -0400  hashim@CZC3510JM8
$$ C:/Bruker/TopSpin3.2/hashimi/Henry-050215-DNA-CA-echino/3/acqu2
$$ process C:\Bruker\TopSpin3.2\prog\mod\dataserver.exe
##$ACQT0= 0
##$BF1= 60.763020099
##$FnMODE= 5
##$NUC1= <15N>
##$NusJSP= 0
##$NusT2= 1
##$NusTD= 0
##$O1= 8980.7743706322
##$SFO1= 60.7720008733706
##$SW= 5
##$SW_h= 303.860004366853
##$TD= 1
##END=
