##TITLE= Parameter file, TOPSPIN		Version 3.1
##JCAMPDX= 5.0
##DATATYPE= Parameter Values
##NPOINTS= 2	$$ modification sequence number
##ORIGIN= Bruker BioSpin GmbH
##OWNER= hashimi
$$ 2018-11-04 14:28:29.061 -0500  hashimi@EP-10018760
$$ /opt/topspin3.1/hashimi/Henry-110418-CA-m1G-Echin-pH6.8-25C-150NaCl/3/acqu2
$$ process /opt/topspin3.1/prog/mod/dataserver
##$ACQT0= 0
##$BF1= 70.948117
##$FnMODE= 5
##$NUC1= <15N>
##$NusJSP= 0
##$NusT2= 1
##$NusTD= 0
##$O1= 10857
##$SFO1= 70.958974
##$SW= 4.28219275502564
##$SW_h= 303.860004366853
##$TD= 1
##END=
