##TITLE= Parameter file, TOPSPIN		Version 3.1
##JCAMPDX= 5.0
##DATATYPE= Parameter Values
##NPOINTS= 2	$$ modification sequence number
##ORIGIN= Bruker BioSpin GmbH
##OWNER= hashimi
$$ 2018-09-04 20:22:05.466 -0400  hashimi@EP-10018760
$$ /opt/topspin3.1/hashimi/hs_20180904_A6-ulb-DNA_HSQC_6.8_25C/101/acqu2
$$ process /opt/topspin3.1/prog/mod/dataserver
##$ACQT0= 0
##$BF1= 176.059144
##$FnMODE= 6
##$NUC1= <13C>
##$NusJSP= 0
##$NusT2= 1
##$NusTD= 0
##$O1= 14965.02724
##$SFO1= 176.07410902724
##$SW= 10
##$SW_h= 1760.7410902724
##$TD= 150
##END=
