il 2 2 1 0 0 2 1 0 1 64
1 "n"
2 "y" "n" 
dn2ref 2 2 8 0 0 4 1 1 1 64
1 ""
0 
checkofs 2 2 8 0 0 2 1 0 1 64
1 "y"
0 
age 1 1 9.9e+17 0 0.001 3 1 0 1 64
1 0 
0 
REQexp 2 2 8 0 0 4 1 256 1 64
2 ""
"ignore"
0 
IBSsafetycheck 4 2 4 0 0 2 1 0 1 64
1 "y"
0 
CT_flg 4 2 4 0 0 2 1 0 1 64
1 "n"
0 
CR_flg 2 2 8 0 0 2 1 0 1 64
1 ""
0 
Archive1 2 2 8 0 0 2 1 0 1 64
1 ""
0 
ACQtime 7 1 100000000 0 1 2 1 256 1 64
1 0 
0 
B0 1 1 9.99999984307e+17 -9.99999984307e+17 0 2 1 0 1 64
1 140964 
0 
Archive2 2 2 8 0 0 2 1 0 1 64
1 ""
0 
C13refoc 2 2 8 0 0 2 1 0 1 64
1 "y"
0 
CT_delay 3 1 14 14 14 2 1 8192 1 64
1 0.027777775 
0 
CT 2 2 8 0 0 2 1 0 1 64
1 "n"
0 
Gmapname 2 2 8 0 0 2 1 1 1 64
1 ""
0 
Gmap 2 2 8 0 0 2 1 1 1 64
1 "no"
0 
CTdelay 1 1 9.99999984307e+17 -9.99999984307e+17 0 2 1 0 1 64
1 0.025 
0 
H1reffrq 1 1 9.99999984307e+17 -9.99999984307e+17 0 2 1 0 1 64
1 599.714145656 
0 
NH2only 2 2 8 0 0 2 1 0 1 64
1 "n"
0 
Lopt 2 2 8 0 0 2 1 0 1 64
1 ""
0 
JNH 1 1 9.99999984307e+17 -9.99999984307e+17 0 2 1 0 1 64
1 93 
0 
JCH 1 1 9.99999984307e+17 -9.99999984307e+17 0 2 1 0 1 64
1 200 
0 
MinSW 2 2 8 0 0 3 1 0 1 64
1 "off"
4 "off" "auto" "manual" "skip" 
Noe 4 2 4 0 0 2 1 0 1 64
1 "n"
0 
PFGflg 4 2 4 0 0 2 1 0 1 64
1 "n"
0 
acqdim 7 1 1000000000 -1000000000 0 2 1 0 1 64
1 2 
0 
T1rho 4 2 4 0 0 2 1 0 1 64
1 "n"
0 
SampleAge_ 2 2 8 0 0 2 1 0 1 64
1 "spring 2005"
0 
SE 4 2 4 0 0 2 1 0 1 64
1 "n"
0 
RMScurrentlimit 1 1 9.99999984307e+17 -9.99999984307e+17 0 2 1 0 1 64
1 0 
0 
SPARSE 4 2 4 0 0 2 1 0 1 64
1 "n"
0 
T1 4 2 4 0 0 2 1 0 1 64
1 "n"
0 
ab_flg 4 2 4 0 0 2 1 0 1 64
1 "a"
0 
TROSY 4 2 4 0 0 2 1 0 1 64
1 "n"
0 
T2 4 2 4 0 0 2 1 0 1 64
1 "n"
0 
acqcycles 1 1 9.99999984307e+17 -9.99999984307e+17 0 2 1 0 1 64
1 360 
0 
actionid 2 2 8 0 0 2 1 0 1 64
1 "null"
0 
acqpath 2 2 8 0 0 2 1 0 1 64
1 ""
0 
acqstatus 7 1 32767 0 0 2 1 256 1 64
2 101 0 
0 
adirtmplt 2 2 8 0 0 2 1 0 1 64
1 ""
0 
adir2tmplt 2 2 8 0 0 2 1 0 1 64
1 ""
0 
adjust 6 1 13 13 13 2 1 8192 1 64
1 0 
0 
birthday 2 2 8 0 0 3 1 0 1 64
4 ""
""
""
""
0 
arraydim 7 1 32768 1 1 2 1 5 1 64
1 360 
0 
apptype 2 2 8 0 0 2 1 1 1 64
1 "sofast_nhmqc_bb"
0 
alock 2 2 8 0 0 2 1 0 1 64
1 "n"
5 "a" "n" "s" "u" "y" 
alfa 6 1 8190 0 0.4 2 1 2 1 64
1 5.6 
0 
aig 2 2 2 0 0 4 1 1 1 64
1 "ai"
2 "nm" "ai" 
ap 2 2 1023 0 0 4 1 6 1 64
1 "1:ACQUISITION H1:sfrq:3,at:3,np,sw:1,bs,ss,tpwr,tpwrsf,compH:2,shdmf2(seqfil<>'sofastNhmqcA'),pw:1,d1:3,tof:1,nt,ct,gain;1:SAMPLE:date,file,solvent,temp:1;1((seqfil<>'sofastNhmqcA') and autocal='n'):SHAPES:shname1,shlvl1,shpw1,shname2,shlvl2,shpw2:1,hetsofast_flg,c13refoc;1((seqfil='sofastNhmqc') and autocal='y'):PBOX:shbw:1,shofs:1,flipangle,hetsofast_flg,c13refoc:1;1:N15 PULSES:dfrq2:3,dof2,pwN:1,pwNlvl,dpwr2,dm2,dmm2,dmf2,dseq2;2(seqfil='sofastNhmqcHT'):HADAMARD:htbw1,htofs1,bscor,repflg,htss1,pshape,nimax;2(seqfil='sofastNhmqcA'):SHAPE:shname1,fla:1;2:2D PARAMETERS 15N:JNH:1,ni,sw1:1,adjust,f1180;2:GRADIENTS:grad3_flg,gzcal:6,gstab:6,gzlvl1,gt1:4,gzlvl2,gt2:6,gzlvl3,gt3:4:4;2:FLAGS ETC:autocal,ab_flg(seqfil<>'sofastNhmqcHT'),SE,ipap_flg(seqfil='sofastNhmqc'),werr,wbs,wnt,wexp;2:PROCESSING:lb(lb):2,sb(sb):3,sbs(sb):3,gf(gf):3,gfs(gf):3,fn;"
0 
anatomy 2 2 8 0 0 2 1 0 1 64
1 "head"
0 
arom 2 2 8 0 0 2 1 0 1 64
1 "y"
0 
archivedir 2 2 8 0 0 2 1 0 1 64
1 ""
0 
array 2 2 256 0 0 2 1 1 1 64
1 "phase"
0 
awc 1 1 1 -1 0.001 3 1 1 0 64
1 0 
0 
at 1 1 14 14 14 2 1 8203 1 64
1 0.0638976000002 
0 
arrayelemts 1 1 9.99999984307e+17 -9.99999984307e+17 0 2 1 0 1 64
1 2 
0 
autocal 2 2 8 0 0 2 1 0 1 64
1 "y"
0 
avwdir 2 2 8 0 0 3 1 0 1 64
1 ""
0 
axisf 4 2 4 0 0 4 1 0 1 64
1 "s"
4 "m" "n" "s" "u" 
awc2 1 1 1 -1 0.001 3 1 1 0 64
1 0 
0 
awc1 1 1 1 -1 0.001 3 1 1 0 64
1 0 
0 
axis 4 2 4 0 0 4 1 0 1 64
1 "pd"
11 "c" "d" "1" "2" "3" "h" "k" "m" "n" "p" "u" 
b0delay 6 1 13 13 13 2 1 8192 1 64
1 0 
0 
c13refoc 4 2 4 0 0 2 1 0 1 64
1 "n"
0 
buffer_ 2 2 8 0 0 2 1 0 1 64
1 "20mM hepes"
0 
bs 7 1 32767 0 1 2 1 0 0 64
1 1 
0 
boresize 1 1 9.99999984307e+17 -9.99999984307e+17 0 2 1 0 1 64
1 0.5 
0 
c13decdres 1 1 9.99999984307e+17 -9.99999984307e+17 0 2 1 0 1 64
1 9 
0 
c13decdmf 1 1 9.99999984307e+17 -9.99999984307e+17 0 2 1 0 1 64
1 25000 
0 
c13decpwr 1 1 9.99999984307e+17 -9.99999984307e+17 0 2 1 0 1 64
1 0 
0 
calN 1 1 9.99999984307e+17 -9.99999984307e+17 0 2 1 0 1 64
1 1 
0 
calH 1 1 9.99999984307e+17 -9.99999984307e+17 0 2 1 0 1 64
1 1 
0 
cal 1 1 9.99999984307e+17 -9.99999984307e+17 0 2 1 0 1 64
1 4.2 
0 
celem 1 1 9.99999984307e+17 -9.99999984307e+17 0 2 1 0 1 64
1 360 
0 
calcrfchannel 2 2 8 0 0 2 1 0 1 64
1 "1234"
0 
cf 7 1 32767 0 1 3 1 1 0 64
1 1 
0 
dg 2 2 1023 0 0 4 1 6 1 64
1 "1:ACQUISITION H1:sfrq:3,at:3,np:0,sw:1,bs(bx),ss,tpwr:0,compH:2,pw:1,d1:3,tof:1,nt:0,ct:0,gain:0;2:C13 RF:dfrq:5,dof:0,pwClvl:0,compC:2,pwC:2;2:SOFAST PULSES:shbw,shofs,flipangle,refpat,tpwrsf,adjust;1(seqfil='sofastNhmqcHT'):HADAMARD:htbw1,htofs1,bscor,repflg,htss1,pshape,nimax;3:N15 RF:dfrq2:3,dof2:0,pwN:1,pwNlvl:0,compN:2,calN:2,;3:15N DIMENSION:d2(d2):6,sw1:1,ni,phase,f1180;4:GRADIENTS:gt1:5,gt2:5,gzlvl1:0,gzlvl2:0,gt3:5,gzlvl3;4:FLAGS:autocal,grad3_flg,c13refoc,SE,ipap_flg,ab_flg,hetsofast_flg;"
0 
d1 3 1 14 14 14 2 1 8194 1 64
1 0.8 
0 
cr2 1 1 9.99999984307e+17 -9.99999984307e+17 0 4 1 0 1 64
1 7783.91693696 
0 
concentration_ 2 2 8 0 0 2 1 0 1 64
1 "6.5"
0 
compH 1 1 9.99999984307e+17 -9.99999984307e+17 0 2 1 0 1 64
1 0.767 
0 
compC 1 1 9.99999984307e+17 -9.99999984307e+17 0 2 1 0 1 64
1 1 
0 
comment 2 2 8 0 0 3 1 0 1 64
1 ""
0 
concentration 1 1 9.99e+17 -9.99e+17 0 2 1 0 1 64
1 0 
0 
compN 1 1 9.99999984307e+17 -9.99999984307e+17 0 2 1 0 1 64
1 0.919 
0 
cppauseflg 4 2 4 0 0 4 1 0 1 64
1 "n"
0 
cp 2 2 1 0 0 2 1 0 1 64
1 "y"
2 "y" "n" 
console 2 2 8 0 0 2 1 0 1 64
1 "vnmrs"
0 
cr1 1 1 1000000000 -1000000000 0 4 6 3 1 64
1 31224.7761753 
0 
cr 1 1 1000000000 -1000000000 0 4 4 1 1 64
1 6651.13609347 
0 
currentlimit 1 1 9.99999984307e+17 -9.99999984307e+17 0 2 1 0 1 64
1 0 
0 
cryoPanel 2 2 8 0 0 2 1 0 1 64
1 "advanced"
0 
cryoConnect 2 2 8 0 0 2 1 0 1 64
1 "true"
0 
ct 7 1 1000000000 0 1 2 1 6 1 64
1 160 
0 
customflag 4 2 4 0 0 4 1 0 1 64
1 "n"
0 
cutoff 1 1 9.99999984307e+17 -9.99999984307e+17 0 4 1 0 0 64
1 200 
0 
ddrtc 6 1 1000 0 0.4 2 1 0 1 64
1 40 
0 
date 2 2 9 0 0 2 1 1 1 64
1 "Mar 26 2016"
0 
d4 3 1 14 14 14 2 1 8192 1 64
1 0 
0 
d3 3 1 14 14 14 2 1 8194 1 64
1 0 
0 
d2 3 1 14 14 14 2 1 8194 1 64
1 0 
0 
dataProcessed 1 1 9.99999984307e+17 -9.99999984307e+17 0 3 1 0 1 64
1 0 
0 
dataID 2 2 8 0 0 2 1 0 1 64
1 ""
0 
dataid 2 2 8 0 0 3 1 0 1 64
1 ""
0 
dcg 2 2 3 0 0 4 1 1 1 64
1 "cdc"
2 "dc" "cdc" 
datname 2 2 8 0 0 3 1 0 1 64
1 ""
0 
dcrmv 4 2 9.99999984307e+17 -9.99999984307e+17 0 4 1 0 1 64
1 "n"
2 "y" "n" 
delta1 1 1 5000000 0 0 4 6 3 1 64
1 814.661635651 
0 
decwave 2 2 8 0 0 2 1 0 1 64
1 "g"
0 
dec3wave 2 2 8 0 0 2 1 0 1 64
1 "g"
0 
dec2wave 2 2 8 0 0 2 1 0 1 64
1 "g"
0 
delta 1 1 5000000 0 0 4 4 1 1 64
1 1265.51996711 
0 
dfrq 5 1 1000000000 -1000000000 0 2 1 8 1 64
1 201.1651342 
0 
delta2 1 1 9.99999984307e+17 -9.99999984307e+17 0 4 1 0 1 64
1 1598.37728195 
0 
deltaf 1 1 100 0 0 4 1 0 1 64
1 0 
0 
dfrq3 1 1 1000000000 0 0 2 1 9 1 64
1 0 
0 
dfrq2 1 1 1000000000 0 0 2 1 9 1 64
1 81.070785 
0 
dfrq4 1 1 1000000000 0 0 2 1 9 1 64
1 0 
0 
dm2 2 2 8 0 0 2 1 0 1 64
1 "nny"
0 
dimX 2 2 8 0 0 2 1 0 1 64
1 "lpe"
0 
dglp 2 2 8 0 0 4 1 7 1 64
1 "1(lpfilt):LP:lpalg,lpopt,lpfilt:0,lpnupts:0,strtlp:0,lpext:0,strtext:0,,proc,ni,celem;2(lpfilt1):LP 1:lpalg1,lpopt1,lpfilt1:0,lpnupts1:0,strtlp1:0,lpext1:0,strtext1:0,,proc1;3(lpfilt2):LP 2:lpalg2,lpopt2,lpfilt2:0,lpnupts2:0,strtlp2:0,lpext2:0,strtext2:0,,proc2;4:LP OUTPUT:lpprint(lpfilt):0,lptrace(lpfilt):0,lpprint1(lpfilt1):0,lptrace1(lpfilt1):0,lpprint2(lpfilt2):0,lptrace2(lpfilt2):0;"
0 
dg1 2 2 8 0 0 4 1 0 1 64
1 "1:DISPLAY:sp:1,wp:1,sp1(ni):1,wp1(ni):1,sp2(ni2):1,wp2(ni2):1;1:FID:sf:3,wf:3,vf:0;1:FLAGS:aig*,dcg*,pmode*(ni),dmg*,dmg1*(ni),dmg2*(ni2);1:PHASE:rp:1,lp:1,rp1:1,lp1:1,rp2:1,lp2:1;2:REFERENCING:rfl:1,rfp:1,cr:1,delta:1,,rfl1(ni):1,rfp1(ni):1,cr1(ni):1,delta1(ni):1,,rfl2(ni2):1,rfp2(ni2):1,cr2(ni2):1,delta2(ni2):1;3:CHART:sc:0,wc:0,sc2(ni):0,wc2(ni):0,,hzmm:2,vs:1,vp:1,th:1,ho:2,vo:2,axis,,pltmod,rplot;4(ni):DIMENSIONS:trace,plane(ni2);4:INTEGRAL:intmod,is:2,ins:3,io:0,,lvl:3,tlt:3;4(ni2):3D OPTIONS:fiddc3d,specdc3d,ptspec3d,ntype3d;"
0 
dg2 2 2 1023 0 0 4 1 7 1 64
1 "1:CHANNEL 2:dfrq:3,dn,dpwr:0,dof:1,dm,dmm;2:CHANNEL 3:dfrq2:3,dn2,dpwr2:0,dof2:1,dm2,dmm2,dmf2:0,dseq2,dres2:1;3(dm3='nyn'):CHANNEL 4:dfrq3:3,dn3,dpwr3,dof3:1,dm3,dmm3,dmf3,dseq3,dres3:1;4:GRADIENTS:gzlvl1:0,gzlvl2:0,gt1:5,,gzlvl0:0,gt0:5,gzlvl3:0,gt3:5,gzlvl4:0,gt4:5,gzlvl5:0,gt5:5,gzlvl6:0;"
0 
dgs 2 2 1023 0 0 4 1 6 1 64
5 "1:AXIAL SHIMS:z1:0,z2:0,z3:0,z4:0,z5:0,z6:0,z7:0;"
"2:NON AXIAL SHIMS:x1:0,y1:0,xz:0,yz:0,xy:0,x2y2:0,x3:0,y3:0,xz2:0,yz2:0,zxy:0,zx2y2:0,z3x:0,z3y:0,z2x2y2:0,z2xy:0;"
"3:NON AXIAL SHIMS:zx3:0,zy3:0,x4:0,y4:0,z4x:0,z4y:0,z3x2y2:0,z3xy:0,z2x3:0,z2y3:0,z3x3:0,z3y3:0,z4x2y2:0,z4xy:0,z5x:0,z5y:0;"
"4:AUTOMATION:method,wshim,load,,spin:0,gain:0,alock,loc:0;"
"4:SPECIAL:temp;"
0 
dgp 2 2 8 0 0 4 1 0 1 64
1 "1:DOWNSAMPLE:downsamp,dscoef,dsfb,dslsfrq,filtfile;1:OVERSAMPLE:oversamp,oscoef,osfb,oslsfrq,osfilt,fsqd;1:CONDITIONAL:werr,wexp,wbs,wnt;2:WEIGHT:lb:3,sb:3,sbs(sb):3,gf:3,gfs(gf):3,awc:3,ssfilter,ssntaps,ssorder,sslsfrq:1;2:PROCESS:cf(nf),lsfid,phfid:1,lsfrq:1,proc,fn,rp:1,lp:1;3(ni):WEIGHT 1:lb1:3,sb1:3,sbs1(sb1):3,gf1:3,gfs1(gf1):3,awc1:3,wtfile1;3(ni):PROCESS 1:phfid1:1,lsfrq1:1,proc1,f1coef,fn1,rp1:1,lp1:1;4(ni2):WEIGHT 2:lb2:3,sb2:3,sbs2(sb2):3,gf2:3,gfs2(gf2):3,awc2:3,wtfile2;4(ni2):PROCESS 2:phfid2:1,lsfrq2:1,proc2,f2coef,fn2,rp2:1,lp2:1;"
0 
dhp 1 1 9 9 9 2 1 8192 0 64
1 40 
0 
disCmd 2 2 8 0 0 4 1 0 1 64
1 ""
0 
dimZ 2 2 8 0 0 2 1 0 1 64
1 "lpe2"
0 
dimY 2 2 8 0 0 2 1 0 1 64
1 "lro"
0 
dimension 2 2 8 0 0 2 1 0 1 64
1 ""
0 
dlp 7 1 10 10 10 2 1 8194 0 64
1 10 
0 
displaymode 4 2 9.99999984307e+17 -9.99999984307e+17 0 4 1 0 1 64
1 "r"
6 "r" "i" "a" "e" "z" "s" 
dm 4 2 4 0 0 2 1 0 1 64
1 "nny"
4 "a" "n" "s" "y" 
dmg1 2 2 8 0 0 4 1 0 1 64
1 "ph1"
4 "" "av1" "ph1" "pwr1" 
dmf2 7 1 100000 1 0 2 1 2 1 64
1 3921 
0 
dm4 4 2 4 0 0 2 1 0 1 64
1 "n"
4 "a" "n" "s" "y" 
dm3 4 2 4 0 0 2 1 0 1 64
1 "nnn"
4 "a" "n" "s" "y" 
dmf 7 1 11 11 11 2 1 8194 1 64
1 9600 
0 
dmf4 7 1 2000000 1 0 2 1 2 1 64
1 5556 
0 
dmf3 7 1 2000000 1 0 2 1 2 1 64
1 1250 
0 
dmg 2 2 2 0 0 4 1 3 1 64
1 "ph"
0 
dmm4 4 2 4 0 0 2 1 0 1 64
1 "c"
8 "c" "f" "g" "m" "r" "u" "w" "x" 
dmm2 2 2 8 0 0 2 1 0 1 64
1 "ccg"
0 
dmm 4 2 4 0 0 2 1 0 1 64
1 "ccg"
9 "c" "f" "g" "m" "p" "r" "u" "w" "x" 
dmm3 4 2 4 0 0 2 1 0 1 64
1 "cwc"
9 "c" "f" "g" "m" "p" "r" "u" "w" "x" 
dn2 2 2 8 0 0 2 1 8 1 64
1 "N15"
0 
dn 2 2 4 0 0 2 1 8 1 64
1 "C13"
0 
gfs 1 1 1000 -1000 0.001 3 1 1 0 64
1 0 
0 
emailaddr 2 2 8 0 0 4 1 0 1 64
1 ""
0 
dreffrq2 1 1 9.99999984307e+17 -9.99999984307e+17 0 2 1 0 1 64
1 60.7685066309 
0 
dof2_2 1 1 9.99999984307e+17 -9.99999984307e+17 0 2 1 0 1 64
1 0 
0 
dn4 2 2 8 0 0 2 1 8 1 64
1 ""
0 
dn3ref 2 2 8 0 0 4 1 1 1 64
1 ""
0 
dn3 2 2 8 0 0 2 1 8 1 64
1 ""
0 
dn2shapes 2 2 8 0 0 2 1 256 1 64
3 ""
""
""
0 
dn3shapes 2 2 8 0 0 2 1 256 1 64
3 ""
""
""
0 
dnshapes 2 2 8 0 0 2 1 256 1 64
3 ""
""
""
0 
dn4ref 2 2 8 0 0 4 1 1 1 64
1 ""
0 
dnref 2 2 8 0 0 4 1 1 1 64
1 ""
0 
dof 5 1 8 8 8 2 1 8202 1 64
1 9566.509034 
0 
dod 3 1 14 14 14 2 1 8194 1 64
1 0.00999999977648 
0 
dof2 5 1 1000000000 -1000000000 0 2 1 8 1 64
1 9077.59842334 
0 
dp 2 2 1 0 0 2 1 0 1 64
1 "y"
2 "y" "n" 
dof4 5 1 22 22 22 2 1 8202 1 64
1 0 
0 
dof3_2 1 1 9.99999984307e+17 -9.99999984307e+17 0 2 1 0 1 64
1 0 
0 
dof3 5 1 20 20 20 2 1 8202 1 64
1 2052 
0 
dotflag 2 2 8 0 0 4 1 0 1 64
1 "n"
2 "n" "y" 
dof_2 1 1 9.99999984307e+17 -9.99999984307e+17 0 2 1 0 1 64
1 0 
0 
downsamp 7 1 999 1 1 3 1 1 0 64
1 0 
0 
dpwr2 1 1 9.99999984307e+17 -9.99999984307e+17 0 2 1 0 1 64
1 42 
0 
dpwr1 7 1 32767 0 0 2 1 0 1 64
1 41 
0 
dpwr 7 1 9 9 9 2 1 8194 1 64
1 40 
0 
dpwr4 7 1 23 23 23 2 1 8194 1 64
1 1 
0 
dpwr3 7 1 21 21 21 2 1 8194 1 64
1 34 
0 
dreffrq 1 1 9.99999984307e+17 -9.99999984307e+17 0 2 1 0 1 64
1 150.79784006 
0 
dseq2 2 2 8 0 0 2 1 0 1 64
1 "wurst40N"
0 
dres3 7 1 360 1 0 2 1 0 1 64
1 90 
0 
dres 7 1 360 1 0 2 1 0 1 64
1 9 
0 
dreffrq3 1 1 9.99999984307e+17 -9.99999984307e+17 0 2 1 0 1 64
1 0 
0 
dres2 7 1 360 1 0 2 1 0 1 64
1 9 
0 
dscoef 7 1 49999 3 2 3 1 1 1 64
1 251 
0 
dres4 7 1 360 1 0 2 1 0 1 64
1 1 
0 
dseq 2 2 8 0 0 2 1 0 1 64
1 "wc13"
0 
dsfb 1 1 9.99999984307e+17 -9.99999984307e+17 0 3 1 1 0 64
1 0 
0 
dseq4 2 2 8 0 0 2 1 0 1 64
1 ""
0 
dseq3 2 2 8 0 0 2 1 0 1 64
1 ""
0 
dutyc 1 1 9.99999984307e+17 -9.99999984307e+17 0 2 1 0 1 64
1 0.1 
0 
dslsfrq 1 1 9.99999984307e+17 -9.99999984307e+17 0 3 1 1 0 64
1 0 
0 
fidid 2 2 8 0 0 2 1 0 1 64
1 ""
0 
fcalib 1 1 9.99999984307e+17 -9.99999984307e+17 0 2 1 0 1 64
1 3200 
0 
f1coef 2 2 8 0 0 3 1 1 1 64
1 ""
0 
explist 2 2 8 0 0 2 1 256 1 64
1 ""
0 
emessage 4 2 4 0 0 2 1 0 1 64
1 "n"
0 
emailwhen 2 2 8 0 0 2 1 0 1 64
1 ""
0 
f1180 4 2 4 0 0 2 1 0 1 64
1 "y"
0 
exppath 2 2 8 0 0 2 1 0 1 64
1 "/home/hashimi/vnmrsys/exp2003/acqfil"
0 
f1SW 2 2 8 0 0 2 1 1 1 64
1 ""
0 
f2coef 2 2 8 0 0 3 1 1 1 64
1 "1 0 -1 0 0 -1 0 -1"
0 
f2180 4 2 4 0 0 2 1 0 1 64
1 "n"
0 
f2SW 2 2 8 0 0 2 1 1 1 64
1 ""
0 
faculty 2 2 8 0 0 2 1 0 1 64
1 ""
0 
f3180 4 2 4 0 0 2 1 0 1 64
1 "n"
0 
fb 7 1 6 6 6 2 1 8203 1 64
1 6000 
0 
fidID 2 2 8 0 0 2 1 0 1 64
1 ""
0 
fdffile 2 2 8 0 0 3 1 0 1 64
1 ""
0 
fdfdir 2 2 8 0 0 3 1 0 1 64
1 ""
0 
fiddc3d 4 2 4 0 0 3 1 0 1 64
1 "nnn"
0 
fpmult1 1 1 1000000000 0 0 3 2 0 1 64
1 1 
0 
fn1 7 1 524288 64 -2 3 1 1 1 64
1 1024 
0 
fla 1 1 9.99999984307e+17 -9.99999984307e+17 0 2 1 0 1 64
1 140 
0 
filter 7 1 1000000000 0 1 2 1 2 1 64
1 54.0999984741 
0 
file 2 2 6 0 0 2 1 3 1 64
1 "exp"
0 
filtfile 2 2 8 0 0 2 1 0 1 64
1 ""
0 
fn 7 1 524288 64 -2 3 1 1 1 64
1 8192 
0 
flipangle 1 1 9.99999984307e+17 -9.99999984307e+17 0 2 1 0 1 64
1 120 
0 
fnsv 3 1 14 14 14 2 1 8192 1 64
1 1024 
0 
fn2 7 1 524288 64 -2 3 1 1 1 64
1 256 
0 
fpmult 1 1 1000000000 0 0 3 1 0 1 64
1 0.5 
0 
gain 1 1 60 0 2 2 1 0 1 64
1 8 
0 
ftproc 1 1 9.99999984307e+17 -9.99999984307e+17 0 3 1 256 1 64
2 1 0 
0 
fsqd 4 2 4 0 0 2 1 0 1 64
1 "n"
0 
fpmult2 1 1 1000000000 0 0 3 1 0 0 64
1 0 
0 
fzoom 7 1 32767 0 0 4 1 0 1 64
1 0 
0 
gender 2 2 8 0 0 3 1 0 1 64
1 ""
0 
gap 1 1 9.99999984307e+17 -9.99999984307e+17 0 2 1 0 1 64
1 0 
0 
gain2 1 1 60 0 2 2 1 1 1 64
1 30 
0 
gcoil 2 2 8 0 0 2 1 9 1 64
1 "None"
0 
gf1 1 1 100000 0 0 3 1 1 0 64
1 0.0119332679188 
0 
gf 1 1 100000 0 0 3 1 1 0 64
1 0.022 
0 
gf2 1 1 100000 0 0 3 1 1 0 64
1 0 
0 
gzlvl3 1 1 9.99999984307e+17 -9.99999984307e+17 0 2 1 0 1 64
1 5000 
0 
gt4 3 1 14 14 14 2 1 8192 1 64
1 0.001 
0 
gpropdelay 6 1 13 13 13 2 1 8192 1 64
1 0 
0 
gmax 1 1 9.99999984307e+17 -9.99999984307e+17 0 2 1 0 1 64
1 0 
0 
gfs2 1 1 1000 -1000 0.001 3 1 1 0 64
1 0 
0 
gfs1 1 1 1000 -1000 0.001 3 1 1 0 64
1 0 
0 
gmapspin 2 2 8 0 0 2 1 0 1 64
1 "n"
2 "n" "y" 
go_id 2 2 8 0 0 2 1 7 1 64
1 "exp2003.hashimi.localhost.localdomain_1458982266_457055"
0 
go_Options 2 2 8 0 0 2 1 7 1 64
1 "go"
0 
goalias 2 2 8 0 0 2 1 0 1 64
1 "go"
0 
gt0 3 1 14 14 14 2 1 8192 1 64
1 0.0018 
0 
grad_flg 2 2 8 0 0 2 1 0 1 64
1 "y"
0 
grad3_flg 4 2 4 0 0 2 1 0 1 64
1 "n"
0 
gstab 3 1 14 14 14 2 1 8192 1 64
1 0.0003 
0 
gt2 6 1 13 13 13 2 1 8192 1 64
1 100 
0 
gt1 3 1 14 14 14 2 1 8192 1 64
1 0.0006 
0 
gt3 3 1 14 14 14 2 1 8192 1 64
1 0.0001 
0 
gxppars 2 2 8 0 0 2 1 0 1 64
1 ""
0 
gtotlimit 1 1 9.99999984307e+17 -9.99999984307e+17 0 2 1 0 1 64
1 95 
0 
gt6 3 1 14 14 14 2 1 8192 1 64
1 0.0005 
0 
gt5 3 1 14 14 14 2 1 8192 1 64
1 0.0005 
0 
gxdelay 6 1 13 13 13 2 1 8192 1 64
1 0 
0 
gtw 1 1 9.99999984307e+17 -9.99999984307e+17 0 2 1 0 1 64
1 0.002 
0 
gxmax 1 1 9.99999984307e+17 -9.99999984307e+17 0 2 1 0 1 64
1 0 
0 
gzdelay 6 1 13 13 13 2 1 8192 1 64
1 0 
0 
gymax 1 1 9.99999984307e+17 -9.99999984307e+17 0 2 1 0 1 64
1 0 
0 
gydelay 6 1 13 13 13 2 1 8192 1 64
1 0 
0 
gzcal 1 1 9.99999984307e+17 -9.99999984307e+17 0 2 1 0 1 64
1 0.001774 
0 
gzlvl1 1 1 32000 -32000 0 2 1 0 1 64
1 15000 
0 
gzlvl0 1 1 9.99999984307e+17 -9.99999984307e+17 0 2 1 0 1 64
1 1000 
0 
gzlvl2 1 1 32000 -32000 0 2 1 0 1 64
1 13000 
0 
height 1 1 9.9e+17 0 0.001 3 1 0 1 64
1 0 
0 
h1freqOrig 1 1 9.99999984307e+17 -9.99999984307e+17 0 2 1 0 1 64
1 600 
0 
gzmax 1 1 9.99999984307e+17 -9.99999984307e+17 0 2 1 0 1 64
1 0 
0 
gzlvl5 1 1 9.99999984307e+17 -9.99999984307e+17 0 2 1 0 1 64
1 2000 
0 
gzlvl4 1 1 9.99999984307e+17 -9.99999984307e+17 0 2 1 0 1 64
1 8000 
0 
gzlvl6 1 1 9.99999984307e+17 -9.99999984307e+17 0 2 1 0 1 64
1 3000 
0 
gzwin 1 1 9.99999984307e+17 -9.99999984307e+17 0 2 1 0 1 64
1 0 
0 
gzsize 1 1 9.99999984307e+17 -9.99999984307e+17 0 2 1 0 1 64
1 0 
0 
hdpwrf 1 1 9.99999984307e+17 -9.99999984307e+17 0 2 1 0 1 64
1 4095 
0 
hdof 5 1 7 7 7 2 1 8194 1 64
1 0 
0 
hdmf 1 1 9.99999984307e+17 -9.99999984307e+17 0 2 1 0 1 64
1 1000 
0 
hdpwr 7 1 49 -16 1 2 1 2 1 64
1 1 
0 
hdseq 2 2 8 0 0 2 1 0 1 64
1 ""
0 
hdres 1 1 9.99999984307e+17 -9.99999984307e+17 0 2 1 0 1 64
1 0.9 
0 
homorof2 6 1 13 13 13 2 1 8192 1 64
1 2 
0 
homo2 4 2 4 0 0 2 1 0 1 64
1 "n"
2 "n" "y" 
ho 1 1 500 -500 0 4 1 1 1 64
1 -6.25961538462 
0 
hetsofast_flg 4 2 4 0 0 2 1 0 1 64
1 "n"
0 
homo 2 2 8 0 0 2 1 8 1 64
1 "n"
2 "n" "y" 
homo4 4 2 4 0 0 2 1 0 1 64
1 "n"
2 "n" "y" 
homo3 4 2 4 0 0 2 1 0 1 64
1 "n"
2 "n" "y" 
homorof1 6 1 13 13 13 2 1 8192 1 64
1 2 
0 
hst 3 1 0.02 0 2.5e-08 2 1 2 1 64
1 0.00800000037998 
0 
hours 1 1 9.99999984307e+17 -9.99999984307e+17 0 2 1 0 1 64
1 0 
0 
homorof3 6 1 13 13 13 2 1 8192 1 64
1 2 
0 
hs 4 2 4 0 0 2 1 0 1 64
1 "n"
2 "n" "y" 
ident 2 2 8 0 0 3 1 0 1 64
1 ""
0 
hzmm 1 1 1000000000 -1000000000 0 4 1 11 1 64
1 64.0869140623 
0 
pwClvl 7 1 60 -16 1 2 1 2 1 64
1 60 
0 
maxrelaxT 3 1 14 14 14 2 1 8192 1 64
1 0 
0 
lpe2 1 1 9.99999984307e+17 -9.99999984307e+17 0 2 1 0 1 64
1 0 
0 
labeled 2 2 8 0 0 2 1 0 1 64
1 "n"
0 
iplanDefaultNs 1 1 9.99999984307e+17 -9.99999984307e+17 0 2 1 0 1 64
1 5 
0 
insref 1 1 9.99999984307e+17 -9.99999984307e+17 0 4 1 0 1 64
1 1 
0 
ins2 1 1 9.99999984307e+17 -9.99999984307e+17 0 4 1 0 1 64
1 1 
0 
in 4 2 1 0 0 2 1 0 1 64
1 "n"
3 "n" "w" "y" 
ins 3 1 8190 0 1e-07 4 1 3 1 64
1 1 
0 
ins2ref 1 1 9.99999984307e+17 -9.99999984307e+17 0 4 1 0 1 64
1 1 
0 
investigator 2 2 8 0 0 2 1 0 1 64
1 ""
0 
intmod 2 2 8 0 0 4 1 0 1 64
1 "off"
3 "off" "partial" "full" 
intstd 2 2 8 0 0 2 1 0 1 64
1 ""
0 
io 1 1 500 -500 0.1 4 1 1 1 64
1 48.5981284588 
0 
investigator_ 2 2 8 0 0 2 1 0 1 64
1 ""
0 
ipap_flg 4 2 4 0 0 2 1 0 1 64
1 "n"
0 
iplanType 1 1 9.99999984307e+17 -9.99999984307e+17 0 2 1 0 1 64
1 0 
0 
iplanDefaultType 1 1 9.99999984307e+17 -9.99999984307e+17 0 2 1 0 1 64
1 0 
0 
iplanDefaultThk 1 1 9.99999984307e+17 -9.99999984307e+17 0 2 1 0 1 64
1 4 
0 
iplanDefaultSize 1 1 9.99999984307e+17 -9.99999984307e+17 0 2 1 0 1 64
1 5 
0 
iplanDefaultVoxSize 1 1 9.99999984307e+17 -9.99999984307e+17 0 2 1 0 1 64
1 10 
0 
jc13 1 1 9.99999984307e+17 -9.99999984307e+17 0 2 1 0 1 64
1 150 
0 
is 1 1 1000000000 1e-06 0 4 1 3 1 64
1 0.152427 
0 
iswt 1 1 9.99999984307e+17 -9.99999984307e+17 0 2 1 0 1 64
1 0 
0 
jch 5 1 1000000000 -1000000000 0 2 1 0 1 64
1 143 
0 
jn15 1 1 9.99999984307e+17 -9.99999984307e+17 0 2 1 0 1 64
1 150 
0 
load 2 2 4 0 0 2 1 3 1 64
1 "n"
2 "y" "n" 
lcpeak_ 7 1 32767 0 0 2 1 32768 1 64
1 0 
0 
lb 1 1 100000 -100000 0 3 1 1 0 64
1 5 
0 
layout 2 2 8 0 0 4 1 0 1 64
1 "gNhsqc"
0 
labeling_ 2 2 8 0 0 2 1 0 1 64
1 "15N"
0 
lb2 1 1 100000 -100000 0 3 1 1 0 64
1 1 
0 
lb1 1 1 100000 -100000 0 3 1 1 0 64
1 0.318309992552 
0 
llamp 1 1 1000000000 0 0 4 1 0 0 64
1 0 
0 
lifrq 1 1 1000000000 -1000000000 0 4 1 0 1 64
9 7352.74930057 7112.7234052 7028.71434182 5558.55573271 5342.53242688 4826.47675185 4460.43726142 3650.34986456 0 
0 
liamp 1 1 1000000000 0 0 4 1 0 0 64
2 0 3.20271134377 
0 
linearpred 2 2 8 0 0 2 1 0 1 64
1 "dglp"
0 
llfrq 1 1 1000000000 -1000000000 0 4 1 0 0 64
1 0 
0 
lot 2 2 8 0 0 2 1 0 1 64
1 ""
0 
lockgain_ 1 1 48 0 1 2 1 65552 1 64
1 45 
0 
locdir 2 2 8 0 0 2 1 0 1 64
1 ""
0 
loc_ 7 1 12 12 12 2 1 8201 0 64
1 0 
0 
lockfreq_ 5 1 160 0 1e-07 2 1 9 1 64
1 122.791 
0 
lockpower_ 1 1 68 0 1 2 1 65552 1 64
1 45 
0 
lockphase_ 1 1 360 0 1 2 1 65552 1 64
1 136 
0 
longlist 2 2 8 0 0 2 1 256 1 64
1 ""
0 
lpalg 2 2 8 0 0 3 1 0 1 64
1 "lpfft"
0 
lp1 1 1 3600 -3600 0.1 4 1 3 1 64
1 -180 
0 
lp 1 1 3600 -3600 0.1 4 1 3 1 64
1 0 
0 
lp2 1 1 3600 -3600 0.1 4 1 3 1 64
1 0 
0 
lpalg2 2 2 8 0 0 3 1 0 1 64
1 "lpfft"
0 
lpalg1 2 2 8 0 0 3 1 0 1 64
1 "lpfft"
0 
lpe 1 1 9.99999984307e+17 -9.99999984307e+17 0 2 1 0 1 64
1 0 
0 
lptrace 7 1 32767 0 1 3 1 0 1 64
1 0 
0 
lpnupts1 7 1 1000000 1 1 3 1 0 1 64
1 32 
0 
lpfilt 7 1 32767 1 1 3 1 0 1 64
1 32 
0 
lpext1 7 1 1000000 0 1 3 1 0 1 64
1 32 
0 
lpext 7 1 1000000 0 1 3 1 0 1 64
1 1 
0 
lpext2 7 1 1000000 0 1 3 1 0 1 64
1 96 
0 
lpfilt2 7 1 32767 1 1 3 1 0 1 64
1 8 
0 
lpfilt1 7 1 32767 1 1 3 1 0 1 64
1 8 
0 
lpnupts 7 1 1000000 1 1 3 1 0 1 64
1 64 
0 
lpopt2 2 2 8 0 0 3 1 0 1 64
1 "f"
0 
lpopt 2 2 8 0 0 3 1 0 1 64
1 "b"
0 
lpnupts2 7 1 1000000 1 1 3 1 0 1 64
1 32 
0 
lpopt1 2 2 8 0 0 3 1 0 1 64
1 "f"
0 
lpprint1 7 1 63 0 1 3 1 0 1 64
1 0 
0 
lpprint 7 1 63 0 1 3 1 0 1 64
1 0 
0 
lpprint2 7 1 63 0 1 3 1 0 1 64
1 0 
0 
lsfrq 1 1 9.99999984307e+17 -9.99999984307e+17 0 3 1 0 0 64
1 0 
0 
lro 1 1 9.99999984307e+17 -9.99999984307e+17 0 2 1 0 1 64
1 0 
0 
lptrace2 7 1 32767 0 1 3 1 0 1 64
1 0 
0 
lptrace1 7 1 32767 0 1 3 1 0 1 64
1 0 
0 
lsfid2 7 1 64000 -64000 1 3 1 0 0 64
1 0 
0 
lsfid 7 1 64000 -64000 1 3 1 0 0 64
1 0 
0 
macro 2 2 6 0 0 4 1 3 1 64
1 ""
0 
lsfrq2 1 1 9.99999984307e+17 -9.99999984307e+17 0 3 1 0 0 64
1 0 
0 
lsfrq1 1 1 9.99999984307e+17 -9.99999984307e+17 0 3 1 0 0 64
1 301.7312968 
0 
lvl 1 1 1000000000 -1000000000 0 4 1 1 1 64
1 0 
0 
math 2 2 1 0 0 3 1 3 1 64
1 "f"
3 "d" "f" "i" 
mag_flg 4 2 4 0 0 2 1 0 1 64
1 "n"
0 
phfid2 1 1 3600 -3600 0.1 3 1 0 0 64
1 0 
0 
p1 6 1 13 13 13 2 1 8192 1 64
1 0 
0 
notebook 2 2 8 0 0 2 1 0 1 64
1 ""
0 
n3 2 2 6 0 0 4 1 3 1 64
1 ""
0 
modules 2 2 8 0 0 2 1 1 1 64
1 ""
0 
mixing 3 1 14 14 14 2 1 8192 1 64
1 0.1 
0 
method 2 2 6 0 0 2 1 3 1 64
1 "z1z2"
0 
mixing_name 2 2 8 0 0 2 1 0 1 64
1 "mlev16"
0 
n15refoc 2 2 8 0 0 2 1 0 1 64
1 "n"
0 
n1 2 2 6 0 0 4 1 3 1 64
1 ""
0 
n2 2 2 6 0 0 4 1 3 1 64
1 "n"
0 
newmodules 2 2 8 0 0 2 1 1 1 64
1 ""
0 
name 2 2 8 0 0 3 1 0 1 64
1 ""
0 
n_cycle 1 1 9.99999984307e+17 -9.99999984307e+17 0 2 1 0 1 64
1 64 
0 
nameprefix 2 2 8 0 0 2 1 9 1 64
1 ""
0 
ni 7 1 32767 0 0 2 1 0 1 64
1 180 
0 
obsSW 2 2 8 0 0 2 1 1 1 64
1 ""
0 
nt 7 1 1000000000 1 1 2 1 2 1 64
1 160 
0 
np 7 1 524288 32 2 2 1 11 1 64
1 2048 
0 
notebook_ 2 2 8 0 0 2 1 0 1 64
1 ""
0 
ns 1 1 9.99999984307e+17 -9.99999984307e+17 0 2 1 0 1 64
1 0 
0 
ntype3d 4 2 4 0 0 3 1 0 1 64
1 "nn"
0 
numvch 7 1 32767 0 0 2 1 256 1 64
4 4 3 1 0 
0 
osfb 1 1 100000 0 0 2 1 1 0 64
1 0 
0 
orient 2 2 8 0 0 2 1 0 1 64
1 ""
11 "trans" "sag" "cor" "oblique" "3orthogonal" "xyz" "xzy" "yxz" "yzx" "zxy" "zyx" 
operator_ 2 2 128 0 0 2 1 32772 1 64
1 "hashimi"
0 
oscoef 7 1 49999 3 2 2 1 1 0 64
1 247 
0 
oslsfrq 1 1 9.99999984307e+17 -9.99999984307e+17 0 2 1 1 0 64
1 0 
0 
osfilt 2 2 8 0 0 2 1 0 1 64
1 "a"
5 "a" "A" "b" "B" "" 
oversamp 7 1 68 0 1 2 1 9 1 64
1 1 
0 
parstyle_ 2 2 8 0 0 4 1 0 1 64
1 "ppa"
0 
page 2 2 8 0 0 2 1 0 1 64
1 ""
0 
pH_ 2 2 8 0 0 2 1 0 1 64
1 "2mM"
0 
p11console 2 2 8 0 0 2 1 0 1 64
1 ""
0 
pad 3 1 14 14 14 2 1 8194 1 64
1 0.5 
0 
paramChanged 1 1 9.99999984307e+17 -9.99999984307e+17 0 2 1 0 1 64
1 0 
0 
page_ 2 2 8 0 0 2 1 0 1 64
1 ""
0 
parlabel 2 2 8 0 0 2 1 5 1 64
1 ""
0 
phase2 7 1 4 0 1 2 1 0 1 64
1 1 
0 
path3d 2 2 8 0 0 4 1 0 1 64
1 "/export/home/georgeg/vnmrsys/exp3/datadir3d"
0 
parversion 1 1 9.99999984307e+17 -9.99999984307e+17 0 2 1 4 1 64
1 5.1 
0 
phase 1 1 1e+18 -1e+18 0 2 1 0 1 64
2 1 2 
0 
phfid 1 1 3600 -3600 0.1 3 1 0 0 64
1 0 
0 
phfid1 1 1 3600 -3600 0.1 3 1 0 0 64
1 0 
0 
prescan 2 2 8 0 0 3 1 256 1 64
11 "Not done"
"Not done"
"off"
"off"
"off"
"off"
"off"
"on"
"on"
""
""
0 
position1 2 2 8 0 0 3 1 0 1 64
1 ""
0 
pltopt 4 2 4 0 0 2 1 0 1 64
1 "y"
0 
plane 2 2 8 0 0 4 1 0 1 64
1 "f1f3"
6 "f1f3" "f3f1" "f2f3" "f3f2" "f1f2" "f2f1" 
phi7cal 1 1 360 0 0 2 1 0 0 64
1 0 
0 
phi 1 1 9.99999984307e+17 -9.99999984307e+17 0 2 1 0 1 64
1 0 
0 
pkpick_ 2 2 8 0 0 4 1 0 1 64
1 ""
0 
plt2Darg 2 2 8 0 0 4 1 272 1 64
8 "pos"
"7"
"1.5"
"proj"
"proj"
""
""
""
0 
plocklist 2 2 8 0 0 2 1 1 1 64
1 ""
0 
pltmod 2 2 8 0 0 4 1 0 1 64
1 "off"
5 "off" "fixed" "full" "variable" "user" 
pos3 1 1 9.99999984307e+17 -9.99999984307e+17 0 2 1 0 1 64
1 0 
0 
pos1 1 1 9.99999984307e+17 -9.99999984307e+17 0 2 1 0 1 64
1 0 
0 
pmode 2 2 8 0 0 3 1 0 1 64
1 "full"
0 
pos2 1 1 9.99999984307e+17 -9.99999984307e+17 0 2 1 0 1 64
1 0 
0 
posY 2 2 8 0 0 2 1 0 1 64
1 "pro"
0 
posX 2 2 8 0 0 2 1 0 1 64
1 "ppe"
0 
posZ 2 2 8 0 0 2 1 0 1 64
1 "pss0"
0 
pplvl 1 1 63 -16 1 2 1 0 1 64
1 55 
0 
pp 6 1 13 13 13 2 1 8192 1 64
1 15 
0 
position2 2 2 8 0 0 3 1 0 1 64
1 ""
0 
ppe 1 1 9.99999984307e+17 -9.99999984307e+17 0 2 1 0 1 64
1 0 
0 
prcopt 4 2 4 0 0 2 1 0 1 64
1 "y"
0 
pplvl_cf 1 1 9.99999984307e+17 -9.99999984307e+17 0 2 1 0 1 64
1 1 
0 
preacq 6 1 13 13 13 2 1 8192 0 64
1 196.798449612 
0 
processid 1 1 9.99999984307e+17 -9.99999984307e+17 0 3 1 0 1 64
1 0 
0 
proc2 2 2 8 0 0 3 1 1 1 64
1 "ft"
0 
probe_ 2 2 8 0 0 2 1 8 1 64
1 "HCN"
0 
priority 7 1 32768 0 1 2 1 0 1 64
1 5 
0 
prescribed 2 2 8 0 0 2 1 0 1 64
1 "n"
0 
pro 1 1 9.99999984307e+17 -9.99999984307e+17 0 2 1 0 1 64
1 0 
0 
proc 2 2 10 0 0 3 1 1 1 64
1 "ft"
0 
probetype_ 2 2 8 0 0 2 1 0 1 64
1 "liquids"
0 
proc1 2 2 10 0 0 3 2 1 1 64
1 "ft"
0 
procdim 7 1 1000000000 -1000000000 0 3 1 0 1 64
1 2 
0 
proccmd 2 2 8 0 0 3 1 7 1 64
1 "wft2d('noop','ptype','noop','noop','noop','noop','1','0','0','0','0','0','1','0')"
0 
processID 1 1 9.99999984307e+17 -9.99999984307e+17 0 2 1 0 1 64
1 0 
0 
pss0 1 1 9.99999984307e+17 -9.99999984307e+17 0 2 1 0 1 64
1 0 
0 
pslabel 2 2 8 0 0 2 1 11 1 64
1 "sofastChmqc_final"
0 
protocols 2 2 8 0 0 3 1 0 1 64
1 ""
0 
processing 2 2 8 0 0 2 1 0 1 64
1 "dgp"
0 
psi 1 1 9.99999984307e+17 -9.99999984307e+17 0 2 1 0 1 64
1 0 
0 
pss 1 1 9.99999984307e+17 -9.99999984307e+17 0 2 1 0 1 64
1 0 
0 
pwC 6 1 13 13 13 2 1 8192 1 64
1 13.5 
0 
pw 6 1 13 13 13 2 1 8194 1 64
1 8.8 
0 
ptspec3d 4 2 4 0 0 3 1 0 1 64
1 "nnn"
0 
pw90 6 1 13 13 13 2 1 8194 1 64
1 7.7 
0 
pwCd 6 1 13 13 13 2 1 8192 1 64
1 250 
0 
time_started 2 2 8 0 0 2 1 0 1 64
1 "19991028T222249GMT"
0 
sp 1 1 1000000000 -1000000000 0 4 4 3 1 64
1 -4296.22595207 
0 
rp 1 1 3600 -3600 0.1 4 1 3 1 64
1 18.5208339691 
0 
ref_pwr 1 1 9.99999984307e+17 -9.99999984307e+17 0 2 1 0 1 64
1 55 
0 
r1 1 1 1e+18 -1e+18 0 4 1 1 1 64
1 12.2933333333 
0 
pwsl 6 1 13 13 13 2 1 8192 1 64
1 40 
0 
pwNlvl 7 1 61 -16 1 2 1 2 1 64
1 60 
0 
pwHs 6 1 13 13 13 2 1 8192 1 64
1 1054.7 
0 
pwN 6 1 13 13 13 2 1 8192 1 64
1 39.1 
0 
pwX 6 1 13 13 13 2 1 8192 1 64
1 48 
0 
pwx2lvl_cf 1 1 9.99999984307e+17 -9.99999984307e+17 0 2 1 0 1 64
1 1 
0 
pwx2 6 1 13 13 13 2 1 8192 1 64
1 43 
0 
pwx 6 1 13 13 13 2 1 8192 1 64
1 13 
0 
pwx2lvl 1 1 63 -16 1 2 1 0 1 64
1 55 
0 
pwxlvl 1 1 63 -16 1 2 1 0 1 64
1 55 
0 
pwx3 1 1 9.99999984307e+17 -9.99999984307e+17 0 2 1 0 1 64
1 13 
0 
pwxlvl_cf 1 1 9.99999984307e+17 -9.99999984307e+17 0 2 1 0 1 64
1 1 
0 
r6 1 1 1e+18 -1e+18 0 4 1 1 1 64
1 0 
0 
r4 1 1 1e+18 -1e+18 0 4 1 1 1 64
1 0 
0 
r2 1 1 1e+18 -1e+18 0 4 1 1 1 64
1 0 
0 
r3 1 1 1e+18 -1e+18 0 4 1 1 1 64
1 0 
0 
r5 1 1 1e+18 -1e+18 0 4 1 1 1 64
1 0 
0 
rcvrs 4 2 4 0 0 2 1 1 1 64
1 "y"
2 "n" "y" 
r7 1 1 1e+18 -1e+18 0 4 1 1 1 64
1 0 
0 
radialAngles 1 1 9.99999984307e+17 -9.99999984307e+17 0 4 1 0 1 64
1 0 
0 
ref1 5 1 1000000000 -1000000000 0 3 1 0 1 64
1 0 
0 
ref 5 1 1000000000 -1000000000 0 3 4 0 1 64
1 0 
0 
ref_pw90 6 1 13 13 13 2 1 8192 1 64
1 5.9 
0 
retentiontime_ 2 2 8 0 0 2 1 0 1 64
1 ""
0 
refpos1 1 1 9.99999984307e+17 -9.99999984307e+17 0 4 1 0 0 64
1 0 
0 
reffrq2 1 1 9.99999984307e+17 -9.99999984307e+17 0 4 1 0 1 64
1 81.053763708 
0 
reffrq1 1 1 9.99999984307e+17 -9.99999984307e+17 0 4 1 0 1 64
1 201.135969493 
0 
reffrq 1 1 9.99999984307e+17 -9.99999984307e+17 0 4 1 0 1 64
1 799.905927418 
0 
refpat 2 2 8 0 0 2 1 0 1 64
1 "reburp"
0 
reflvl_adjust 1 1 9.99999984307e+17 -9.99999984307e+17 0 2 1 0 1 64
1 0 
0 
refpos 1 1 9.99999984307e+17 -9.99999984307e+17 0 4 1 0 1 64
1 0 
0 
refsource2 2 2 8 0 0 4 1 0 1 64
1 "dfrq2"
0 
refsource1 2 2 8 0 0 4 1 0 1 64
1 "dfrq"
0 
refpos2 1 1 9.99999984307e+17 -9.99999984307e+17 0 4 1 0 0 64
1 0 
0 
relaxT 3 1 14 14 14 2 1 8192 1 64
1 0 
0 
refstd_ 2 2 8 0 0 2 1 65808 1 64
1 "Bio"
0 
researchgroup 2 2 8 0 0 2 1 0 1 64
1 ""
0 
rflsv 3 1 14 14 14 2 1 8192 1 64
1 4799.39684556 
0 
rfl1 1 1 1000000000 -1000000000 0 4 1 1 1 64
1 -26951.8878532 
0 
rfcoil 2 2 8 0 0 2 1 0 1 64
1 ""
0 
rfband 4 2 4 0 0 2 1 0 1 64
1 "cccc"
3 "c" "h" "l" 
rfl 1 1 1000000000 -1000000000 0 4 1 1 1 64
1 4300.13846208 
0 
rfl2 1 1 9.99999984307e+17 -9.99999984307e+17 0 4 1 0 1 64
1 -15771.2919553 
0 
rfp2 1 1 9.99999984307e+17 -9.99999984307e+17 0 4 1 0 1 64
1 0 
0 
rfp 1 1 1000000000 -1000000000 0 4 1 1 1 64
1 0 
0 
rfp1 1 1 1000000000 -1000000000 0 4 1 1 1 64
1 0 
0 
rof1 6 1 13 13 13 2 1 8194 1 64
1 10 
0 
rfpsv 3 1 14 14 14 2 1 8192 1 64
1 3689.26069313 
0 
rof2 6 1 8192 0 0.1 2 1 2 1 64
1 28.2 
0 
seqfil 2 2 8 0 0 2 1 11 1 64
1 "sofastChmqc_final"
0 
satpos 1 1 9.99999984307e+17 -9.99999984307e+17 0 2 1 0 1 64
1 0 
0 
samplename_global_ 2 2 8 0 0 2 1 0 1 64
1 ""
0 
sample 2 2 8 0 0 2 1 1 1 64
1 ""
0 
rp2 1 1 3600 -3600 0.1 4 1 3 1 64
1 0 
0 
rp1 1 1 3600 -3600 0.1 4 1 3 1 64
1 92.1406751186 
0 
salt_ 2 2 8 0 0 2 1 0 1 64
1 "no"
0 
samplename 2 2 8 0 0 2 1 8 1 64
1 ""
0 
sample_ 2 2 8 0 0 2 1 0 1 64
1 "ubi_N15"
0 
satdly 1 1 1.5 0 1 2 1 0 1 64
1 1 
0 
sampwt 1 1 9.99999984307e+17 -9.99999984307e+17 0 2 1 0 1 64
1 0 
0 
sampleowner 2 2 8 0 0 2 1 0 1 64
1 ""
0 
sar 1 1 9.99999984307e+17 -9.99999984307e+17 0 2 1 256 1 64
2 0 0 
0 
satfrq 5 1 1000000000 -1000000000 0 2 1 0 1 64
1 -219.2 
0 
satflg 4 2 4 0 0 2 1 0 1 64
1 "n"
0 
satmode 4 2 4 0 0 2 1 0 1 64
1 "nn"
0 
sbs 1 1 1000 -1000 0.001 3 1 1 1 64
1 -0.064 
0 
saveshapes 2 2 8 0 0 2 1 256 1 64
1 ""
0 
satthk 1 1 9.99999984307e+17 -9.99999984307e+17 0 2 1 0 1 64
1 0 
0 
satpwr 1 1 6 -16 1 2 1 0 1 64
1 -6 
0 
saveglobal_ 2 2 8 0 0 3 1 0 1 64
25 "probe"
"lcpeak"
"loc"
"lockpower"
"lockgain"
"lockphase"
"lockfreq"
"z0"
"lkof"
"vloc"
"vrack"
"vzone"
"vproto"
"pkpick"
"parstyle"
"operator"
"studyid"
"systemname"
"probetype"
"refstd"
"investigator"
"notebook"
"page"
"study"
"samplename_global"
0 
sb1 1 1 1000 -1000 0.001 3 1 1 1 64
1 -0.058 
0 
sb 1 1 1000 -1000 0.001 3 1 0 1 64
1 -0.064 
0 
sb2 1 1 1000 -1000 0.001 3 1 1 1 64
1 0.064 
0 
sc2 1 1 3 3 3 4 1 8195 1 64
1 0 
0 
sbs2 1 1 1000 -1000 0.001 3 1 1 1 64
1 -0.064 
0 
sbs1 1 1 1000 -1000 0.001 3 1 1 1 64
1 -0.058 
0 
sc 1 1 1 1 1 4 1 8195 1 64
1 6.25 
0 
scoutinfo 2 2 8 0 0 2 1 256 1 64
1 ""
0 
scans 2 2 8 0 0 3 1 0 1 64
1 ""
0 
sdirtmplt 2 2 8 0 0 2 1 0 1 64
1 ""
0 
shname1 2 2 8 0 0 2 1 0 1 64
1 "hn_excit140"
0 
shdmf 1 1 9.99999984307e+17 -9.99999984307e+17 0 2 1 0 1 64
1 13158 
0 
sf1 1 1 9.99999984307e+17 -9.99999984307e+17 0 4 1 0 1 64
1 0 
0 
sf 1 1 8190 0 1e-07 4 1 3 1 64
1 0 
0 
sequence 2 2 8 0 0 2 1 0 1 64
1 "dg2"
0 
sfrq 1 1 1000000000 0 0 2 1 11 1 64
1 799.9096401 
0 
sf2 1 1 9.99999984307e+17 -9.99999984307e+17 0 4 1 0 1 64
1 0 
0 
shbw 1 1 9.99999984307e+17 -9.99999984307e+17 0 2 1 0 1 64
1 4 
0 
shlvl2 1 1 9.99999984307e+17 -9.99999984307e+17 0 2 1 0 1 64
1 43 
0 
shims 2 2 8 0 0 2 1 0 1 64
1 ""
0 
shdmf2 1 1 9.99999984307e+17 -9.99999984307e+17 0 2 1 0 1 64
1 13158 
0 
shlvl1 1 1 9.99999984307e+17 -9.99999984307e+17 0 2 1 0 1 64
1 33 
0 
shlvl4 1 1 9.99999984307e+17 -9.99999984307e+17 0 2 1 0 1 64
1 23 
0 
shlvl3 1 1 9.99999984307e+17 -9.99999984307e+17 0 2 1 0 1 64
1 23 
0 
shphase4 1 1 9.99999984307e+17 -9.99999984307e+17 0 2 1 0 1 64
1 359 
0 
shofs 1 1 9.99999984307e+17 -9.99999984307e+17 0 2 1 0 1 64
1 8 
0 
shname3 2 2 8 0 0 2 1 0 1 64
1 "gauss"
0 
shname2 2 2 8 0 0 2 1 0 1 64
1 "hn_refoc"
0 
shname4 2 2 8 0 0 2 1 0 1 64
1 "gauss"
0 
shphase2 1 1 9.99999984307e+17 -9.99999984307e+17 0 2 1 0 1 64
1 359 
0 
shphase1 1 1 9.99999984307e+17 -9.99999984307e+17 0 2 1 0 1 64
1 359 
0 
shphase3 1 1 9.99999984307e+17 -9.99999984307e+17 0 2 1 0 1 64
1 359 
0 
shpw4 6 1 13 13 13 2 1 8192 1 64
1 1080 
0 
shpw2 6 1 13 13 13 2 1 8192 1 64
1 1527.6 
0 
shpw1 6 1 13 13 13 2 1 8192 1 64
1 2250 
0 
shpw3 6 1 13 13 13 2 1 8192 1 64
1 1080 
0 
solvent 2 2 6 0 0 2 1 11 1 64
1 "D2O"
0 
sn 1 1 1e+18 -1e+18 0 3 1 1 1 64
1 0 
0 
sorient 2 2 8 0 0 2 1 0 1 64
1 ""
0 
studystatus 2 2 8 0 0 2 1 0 1 64
1 ""
0 
ssntaps 7 1 2500 0 1 3 1 0 1 64
1 200 
0 
spsi 1 1 9.99999984307e+17 -9.99999984307e+17 0 2 1 0 1 64
1 0 
0 
sphi 1 1 9.99999984307e+17 -9.99999984307e+17 0 2 1 0 1 64
1 0 
0 
sp2 1 1 9.99999984307e+17 -9.99999984307e+17 0 4 1 0 1 64
1 15771.2919553 
0 
sp1 1 1 1000000000 -1000000000 0 4 1 3 1 64
1 26960.5316762 
0 
specdc3d 4 2 4 0 0 3 1 0 1 64
1 "nnn"
0 
spin 1 1 39 0 1 2 1 0 0 64
1 0 
0 
sreffrq 1 1 9.99999984307e+17 -9.99999984307e+17 0 2 1 0 1 64
1 599.714145656 
0 
spsv 3 1 14 14 14 2 1 8192 1 64
1 3441.99513666 
0 
srate 7 1 32767 0 1 2 1 0 1 64
1 25 
0 
ssfilter 1 1 50000 10 0.1 3 1 0 0 64
1 200 
0 
ss 7 1 32767 -32768 0 2 1 0 1 64
1 256 
0 
sslsfrq 1 1 9.99999984307e+17 -9.99999984307e+17 0 3 1 0 1 64
1 0 
0 
strtlp1 7 1 1000000 1 1 3 1 0 1 64
1 32 
0 
strtext 7 1 1000000 1 1 3 1 0 1 64
1 1 
0 
sspul 4 2 4 0 0 2 1 0 1 64
1 "n"
0 
ssorder 7 1 20 1 1 3 1 0 0 64
1 7 
0 
stheta 1 1 9.99999984307e+17 -9.99999984307e+17 0 2 1 0 1 64
1 0 
0 
strtext2 7 1 1000000 1 1 3 1 0 1 64
1 33 
0 
strtext1 7 1 1000000 1 1 3 1 0 1 64
1 33 
0 
strtlp 7 1 1000000 1 1 3 1 0 1 64
1 2 
0 
study 2 2 8 0 0 3 1 0 1 64
1 ""
0 
strtlp2 7 1 1000000 1 1 3 1 0 1 64
1 32 
0 
strtpar 2 2 8 0 0 2 1 0 1 64
1 ""
0 
studyid_ 2 2 8 0 0 2 1 0 1 64
1 ""
0 
study_ 2 2 8 0 0 2 1 0 1 64
1 ""
0 
studyowner 2 2 8 0 0 2 1 0 1 64
1 "foolab"
0 
taunh 3 1 14 14 14 2 1 8192 1 64
1 0.0054 
0 
swOrig 1 1 9.99999984307e+17 -9.99999984307e+17 0 2 1 0 1 64
1 7530.12048193 
0 
sw1 1 1 1e+18 -1e+18 0 2 6 0 1 64
1 4425.6373788 
0 
svftmplt 2 2 8 0 0 2 1 0 1 64
1 ""
0 
svfopt 4 2 4 0 0 2 1 0 1 64
1 "y"
0 
sw 1 1 5 5 5 2 4 8203 1 64
1 16025.6410256 
0 
sw2 1 1 5000000 1 -2.5e-08 2 1 0 1 64
1 2500 
0 
sw1Orig 1 1 9.99999984307e+17 -9.99999984307e+17 0 2 1 0 1 64
1 1800 
0 
sw3 1 1 9.99999984307e+17 -9.99999984307e+17 0 2 1 0 1 64
1 6000 
0 
tau1 6 1 13 13 13 2 1 8192 1 64
1 200 
0 
systemname_ 2 2 8 0 0 2 1 0 1 64
1 "localhost.localdomain-vnmrs800"
0 
swsv 3 1 14 14 14 2 1 8192 1 64
1 7993.60511591 
0 
tau3 6 1 13 13 13 2 1 8192 1 64
1 200 
0 
tau2 6 1 13 13 13 2 1 8192 1 64
1 100 
0 
tauCH 3 1 14 14 14 2 1 8192 1 64
1 0.0017 
0 
thk 1 1 9.99999984307e+17 -9.99999984307e+17 0 2 1 0 1 64
1 0 
0 
th2d 1 1 1 1e-18 0 4 1 17 1 64
1 0.8 
0 
text_string 2 2 8 0 0 4 1 256 1 64
1 ""
0 
temp 1 1 200 -150 0.1 2 1 8 1 64
1 25 
0 
th 1 1 1000000000 0 0 4 1 1 1 64
1 4 
0 
theta 1 1 9.99999984307e+17 -9.99999984307e+17 0 2 1 0 1 64
1 0 
0 
time_plotted 2 2 8 0 0 3 1 0 1 64
1 ""
0 
time_complete 2 2 8 0 0 2 1 0 1 64
1 "20160326T181012"
0 
timeTN 3 1 14 14 14 2 1 8192 1 64
1 0.014 
0 
time_exp 2 2 8 0 0 2 1 0 1 64
1 ""
0 
time_run 2 2 8 0 0 2 1 0 1 64
1 "20160326T035115"
0 
time_processed 2 2 8 0 0 3 1 0 1 64
1 "20160326T191326"
0 
time_saved 2 2 8 0 0 2 1 0 1 64
1 ""
0 
vtheta 1 1 9.99999984307e+17 -9.99999984307e+17 0 2 1 0 1 64
1 0 
0 
userplotter 2 2 8 0 0 4 1 0 1 64
1 ""
0 
tpwr_cf 1 1 9.99999984307e+17 -9.99999984307e+17 0 2 1 0 1 64
1 1 
0 
tlt 1 1 1000000000 -1000000000 0 4 1 1 1 64
1 0 
0 
time_submitted_local 2 2 8 0 0 2 1 0 1 64
1 "20160326T035106X03AMSatMar"
0 
time_submitted 2 2 8 0 0 2 1 0 1 64
1 "20160326T035106"
0 
time_started_local 2 2 8 0 0 2 1 0 1 64
1 "19991028T152249X03PMThuOct"
0 
tin 2 2 1 0 0 2 1 2 1 64
1 "n"
3 "n" "w" "y" 
time_svfdate 2 2 8 0 0 2 1 0 1 64
1 "20160326T035106"
0 
tip_angle 1 1 9.99999984307e+17 -9.99999984307e+17 0 2 1 0 1 64
1 90 
0 
tnshapes 2 2 8 0 0 2 1 256 1 64
3 ""
""
""
0 
tnref 2 2 8 0 0 4 1 1 1 64
1 ""
0 
tn 2 2 4 0 0 2 1 8 1 64
1 "H1"
0 
tof_2 1 1 9.99999984307e+17 -9.99999984307e+17 0 2 1 0 1 64
1 0 
0 
tof 5 1 7 7 7 2 1 8202 1 64
1 -286.9 
0 
tpwr 7 1 60 -16 1 2 1 2 1 64
1 55 
0 
tpwrsl 1 1 9.99999984307e+17 -9.99999984307e+17 0 2 1 0 1 64
1 46 
0 
tpwrsf_i 1 1 9.99999984307e+17 -9.99999984307e+17 0 2 1 0 1 64
1 2430 
0 
tpwrsf_a 1 1 9.99999984307e+17 -9.99999984307e+17 0 2 1 0 1 64
1 2400 
0 
tpwrsf 1 1 9.99999984307e+17 -9.99999984307e+17 0 2 1 0 1 64
1 2430 
0 
tpwrsf_d 1 1 9.99999984307e+17 -9.99999984307e+17 0 2 1 0 1 64
1 2970 
0 
tpwrsf_t 1 1 9.99999984307e+17 -9.99999984307e+17 0 2 1 0 1 64
1 2890 
0 
tpwrsf_n 1 1 9.99999984307e+17 -9.99999984307e+17 0 2 1 0 1 64
1 2430 
0 
tpwrsf_u 1 1 9.99999984307e+17 -9.99999984307e+17 0 2 1 0 1 64
1 2400 
0 
tunemethod 2 2 8 0 0 2 1 0 1 64
1 "lohi"
0 
trim 6 1 13 13 13 2 1 8192 1 64
1 2000 
0 
trace 2 2 2 0 0 4 1 3 1 64
1 "f2"
3 "f1" "f2" "f3" 
trise 1 1 9.99999984307e+17 -9.99999984307e+17 0 2 1 0 1 64
1 0.0001 
0 
username 2 2 8 0 0 2 1 0 1 64
1 "kern"
0 
txsl 1 1 9.99999984307e+17 -9.99999984307e+17 0 2 1 0 1 64
1 0 
0 
vox1 1 1 9.99999984307e+17 -9.99999984307e+17 0 2 1 0 1 64
1 0 
0 
vf 1 1 1000000000 0 0 4 1 3 1 64
1 1140322.24107 
0 
vch4 2 2 8 0 0 2 1 8 1 64
1 "z"
0 
vch2 2 2 8 0 0 2 1 8 1 64
1 "dn"
0 
vch1 2 2 8 0 0 2 1 8 1 64
1 "tn"
0 
vch3 2 2 8 0 0 2 1 8 1 64
1 "dn2"
0 
vch6 2 2 8 0 0 2 1 8 1 64
1 ""
0 
vch5 2 2 8 0 0 2 1 8 1 64
1 ""
0 
vchannelmap 2 2 8 0 0 2 1 256 1 64
4 "0"
"1"
"2"
"z"
0 
vloc_ 2 2 8 0 0 2 1 8 1 64
1 "A0"
0 
vjdialog 2 2 8 0 0 4 1 256 1 64
1 ""
0 
vjDebugString 2 2 8 0 0 2 1 0 1 64
1 ""
0 
vjdialogarg 2 2 8 0 0 4 1 256 1 64
1 ""
0 
volume 1 1 9.99999984307e+17 -9.99999984307e+17 0 2 1 0 1 64
1 0 
0 
vo 1 1 500 -500 0 4 1 1 1 64
1 0 
0 
vorient 2 2 8 0 0 2 1 0 1 64
1 ""
0 
vphi 1 1 9.99999984307e+17 -9.99999984307e+17 0 2 1 0 1 64
1 0 
0 
vpf 1 1 500 -500 0 4 1 0 1 64
1 0 
0 
vox3 1 1 9.99999984307e+17 -9.99999984307e+17 0 2 1 0 1 64
1 0 
0 
vox2 1 1 9.99999984307e+17 -9.99999984307e+17 0 2 1 0 1 64
1 0 
0 
vp 7 1 500 -500 0.1 4 1 3 1 64
1 12 
0 
vpfi 1 1 500 -500 0 4 1 0 1 64
1 0 
0 
vs 1 1 1000000000 1e-06 0 4 1 3 1 64
1 9182670 
0 
vpsi 1 1 9.99999984307e+17 -9.99999984307e+17 0 2 1 0 1 64
1 0 
0 
vproto_ 2 2 8 0 0 2 1 0 1 64
1 ""
0 
vrack_ 7 1 5 1 0 2 1 0 1 64
1 1 
0 
vsproj 1 1 1000000000 1e-06 0 4 1 3 1 64
1 18479.9042766 
0 
vs2d 1 1 1000000000 1e-06 0 4 1 3 1 64
1 725827.328625 
0 
vtc 1 1 255 0 1 2 1 2 1 64
1 25 
0 
x1 7 1 19 19 19 2 1 8192 1 64
1 -763 
0 
wf1 1 1 9.99999984307e+17 -9.99999984307e+17 0 4 1 0 1 64
1 0.115689550719 
0 
weight 1 1 9.9e+17 0 0.001 3 1 0 1 64
1 0 
0 
wc 1 1 2 2 2 4 1 8203 1 64
1 225 
0 
vzone_ 7 1 15 1 0 2 1 0 1 64
1 1 
0 
vtwait 3 1 14 14 14 2 1 8194 1 64
1 300 
0 
wbs 2 2 6 0 0 3 1 3 1 64
1 ""
0 
wdone 2 2 8 0 0 3 1 0 1 64
1 ""
0 
wc2 1 1 4 4 4 4 1 8195 1 64
1 142 
0 
wds 2 2 8 0 0 3 1 0 1 64
1 ""
0 
wetpwr 1 1 9.99999984307e+17 -9.99999984307e+17 0 2 1 0 1 64
1 9 
0 
wet 2 2 8 0 0 2 1 0 1 64
1 "n"
0 
werr 2 2 6 0 0 3 1 3 1 64
1 ""
0 
wetpw 1 1 9.99999984307e+17 -9.99999984307e+17 0 2 1 0 1 64
1 0.003 
0 
wexp 2 2 6 0 0 3 1 3 1 64
1 ""
0 
wetshape 2 2 8 0 0 2 1 0 1 64
1 "gauss"
0 
wf 1 1 8190 0 1e-07 4 1 3 1 64
1 0.0638976000002 
0 
wqinit 2 2 8 0 0 4 1 0 1 64
1 ""
0 
wp 1 1 5000000 0 0 4 4 11 1 64
1 16021.7285156 
0 
wgflg 4 2 4 0 0 2 1 0 1 64
1 "y"
0 
wf2 1 1 9.99999984307e+17 -9.99999984307e+17 0 4 1 0 1 64
1 0.0512 
0 
wnt 2 2 6 0 0 3 1 3 1 64
1 ""
0 
wp2 1 1 9.99999984307e+17 -9.99999984307e+17 0 4 1 0 1 64
1 2500 
0 
wp1 1 1 100000 0 0 4 1 3 1 64
1 4416.99355579 
0 
wpsv 3 1 14 14 14 2 1 8192 1 64
1 3144.25563268 
0 
wtfile 2 2 15 0 0 3 1 1 1 64
1 ""
0 
wshim 4 2 4 0 0 2 1 1 1 64
1 "n"
15 "e" "f" "g" "n" "s" "0" "1" "2" "3" "4" "5" "6" "7" "8" "9" 
wrtp 2 2 8 0 0 3 1 0 1 64
1 ""
0 
wstart 2 2 8 0 0 3 1 0 1 64
1 ""
0 
wtfile2 2 2 8 0 0 3 1 1 1 64
1 ""
0 
wtfile1 2 2 15 0 0 3 2 1 1 64
1 ""
0 
wtune 4 2 4 0 0 2 1 0 1 64
1 "n"
10 "s" "t" "e" "v" "i" "n" "1" "2" "3" "4" 
z3x 7 1 19 19 19 2 1 8192 1 64
1 -11859 
0 
z2 7 1 19 19 19 2 1 8192 1 64
1 3150 
0 
y1 7 1 19 19 19 2 1 8192 1 64
1 -91 
0 
xdiag 1 1 1e+18 0 0 4 1 17 1 64
1 0 
0 
x3 7 1 19 19 19 2 1 8192 1 64
1 -6879 
0 
x2y2 7 1 19 19 19 2 1 8192 1 64
1 5594 
0 
x4 7 1 19 19 19 2 1 8192 1 64
1 -14225 
0 
xz 7 1 19 19 19 2 1 8192 1 64
1 -6076 
0 
xy 7 1 19 19 19 2 1 8192 1 64
1 2574 
0 
xz2 7 1 19 19 19 2 1 8192 1 64
1 -11433 
0 
yz2 7 1 19 19 19 2 1 8192 1 64
1 -14699 
0 
y4 7 1 19 19 19 2 1 8192 1 64
1 -17358 
0 
y3 7 1 19 19 19 2 1 8192 1 64
1 5454 
0 
yz 7 1 19 19 19 2 1 8192 1 64
1 -6652 
0 
z1 7 1 19 19 19 2 1 8192 1 64
1 2372 
0 
z0_ 1 1 19 19 19 2 1 73744 1 64
1 -974 
0 
z1c 7 1 19 19 19 2 1 8192 1 64
1 -1044 
0 
z2xy 7 1 19 19 19 2 1 8192 1 64
1 -4583 
0 
z2x2y2 7 1 19 19 19 2 1 8192 1 64
1 6505 
0 
z2c 7 1 19 19 19 2 1 8192 1 64
1 196 
0 
z2x3 7 1 19 19 19 2 1 8192 1 64
1 -11962 
0 
z3 7 1 19 19 19 2 1 8192 1 64
1 8076 
0 
z2y3 7 1 19 19 19 2 1 8192 1 64
1 1167 
0 
z3c 7 1 19 19 19 2 1 8192 1 64
1 0 
0 
z5 7 1 19 19 19 2 1 8192 1 64
1 -2923 
0 
z4x 7 1 19 19 19 2 1 8192 1 64
1 1501 
0 
z3y 7 1 19 19 19 2 1 8192 1 64
1 13532 
0 
z3x3 7 1 19 19 19 2 1 8192 1 64
1 -9376 
0 
z3x2y2 7 1 19 19 19 2 1 8192 1 64
1 13856 
0 
z3xy 7 1 19 19 19 2 1 8192 1 64
1 -16667 
0 
z4 7 1 19 19 19 2 1 8192 1 64
1 4564 
0 
z3y3 7 1 19 19 19 2 1 8192 1 64
1 6420 
0 
z4c 7 1 19 19 19 2 1 8192 1 64
1 0 
0 
z4xy 7 1 19 19 19 2 1 8192 1 64
1 -11143 
0 
z4x2y2 7 1 19 19 19 2 1 8192 1 64
1 15026 
0 
z4y 7 1 19 19 19 2 1 8192 1 64
1 6210 
0 
z7 7 1 19 19 19 2 1 8192 1 64
1 -3263 
0 
z5y 7 1 19 19 19 2 1 8192 1 64
1 -22855 
0 
z5x 7 1 19 19 19 2 1 8192 1 64
1 21802 
0 
z6 7 1 19 19 19 2 1 8192 1 64
1 400 
0 
zx2y2 7 1 19 19 19 2 1 8192 1 64
1 2148 
0 
zoom 7 1 32767 0 0 4 1 0 1 64
1 0 
0 
z8 7 1 19 19 19 2 1 8192 1 64
1 0 
0 
zxy 7 1 19 19 19 2 1 8192 1 64
1 8256 
0 
zx3 7 1 19 19 19 2 1 8192 1 64
1 10145 
0 
zy3 7 1 19 19 19 2 1 8192 1 64
1 -9820 
0 
