##TITLE= Parameter file, TopSpin 3.5 pl 5
##JCAMPDX= 5.0
##DATATYPE= Parameter Values
##NPOINTS= 51026	$$ modification sequence number
##ORIGIN= Bruker BioSpin GmbH
##OWNER= nmrsu
$$ 2018-08-30 11:49:26.006 -0400  bbobay@CZC5331WJR
$$ /opt/topspin3.5pl5/conf/instr/spect/specpar
$$ process /opt/topspin3.5pl5/prog/mod/hconfserver
##$ANCIEN= (0..7)
0 0 0 0 0 0 0 0
##$BF1= 100.13
##$BF2= 100.13
##$BF3= 100.13
##$DEC= 1
##$DECB= 1
##$DEF19F= yes
##$DEFRSEL= yes
##$HPMOD= (0..7)
0 0 0 0 0 0 0 0
##$HPPRECH= (0..15)
-1 -1 -1 -1 -1 -1 -1 -1 -1 -1 -1 -1 -1 -1 -1 -1
##$HPSELECT= yes
##$LOCSW19F= -1
##$LOCSW2H= -1
##$NUC1= 1
##$NUC2= 10
##$NUC3= 0
##$NUC4= 0
##$NUC5= 0
##$NUC6= 0
##$NUC7= 0
##$NUC8= 0
##$NUCARR= (0..123)
700.33 700.33 107.504919029 746.999809114 533.504222621 103.061165084 272.17482953
98.409061983 75.241060071 224.693695114 176.098118566 50.608065846 70.96382261
94.939935308 658.968587236 55.286123177 185.25059127 42.871646396 182.484000635
139.135870717 283.498780449 53.7573308 68.6176961 57.116988893 32.680010031
17.937587307 47.132412096 170.122391765 39.481341862 39.491867822 69.82506502
184.207435728 39.586125237 173.606330419 22.675130667 166.167817344 62.581845968
185.695812061 198.919583187 43.81826845 168.088682468 213.577567123 24.42971644
119.914802626 133.563526993 36.541272483 175.460538134 189.134747509 26.94589708
67.616462312 229.151155498 30.351055613 34.317556653 65.104763783 171.413961361
45.639987856 46.597822194 157.632559476 32.251253998 36.146615518 22.315644275
32.04780113 28.348090803 32.590087659 148.578371084 155.425462478 153.132441992
153.460714676 229.139214872 249.543399455 261.157483086 167.593009904 90.757284416
183.274554149 220.952497238 140.118426704 194.763075614 57.734651939 91.856277269
69.573982708 77.827168662 92.40364119 98.926101615 214.441046 38.167985
23.531088 29.203761 24.091352 174.102038 76.896234 21.500131 28.223299
168.359332 24.091352 33.755906 149.450422 20.169504 58.057357 122.55288971
33.7629093 79.8656332 56.9438323 28.0622231 17.6273061 83.96676568 29.178458077
157.74653118 159.33628028 15.983848692 54.38342582 12.0316694 13.1031743
150.548427387 12.1087057 125.434859713 46.302899224 400.05090656 403.977222665
146.513230977 112.53804465 12.89587662 25.421979 100 100
##$NUCOFFS= (0..127)
<1H> <13C> <15N> <14N> <2H> <19F> <11B> <> <> <> <> <> <> <> <> <> <> <>
<> <> <> <> <> <> <> <> <> <> <> <> <> <> <> <> <> <> <> <> <> <> <> <>
<> <> <> <> <> <> <> <> <> <> <> <> <> <> <> <> <> <> <> <> <> <> <> <>
<> <> <> <> <> <> <> <> <> <> <> <> <> <> <> <> <> <> <> <> <> <> <> <>
<> <> <> <> <> <> <> <> <> <> <> <> <> <> <> <> <> <> <> <> <> <> <> <>
<> <> <> <> <> <> <> <> <> <> <> <> <> <>
##$OBS= 1
##$OFFS= (0..127)
0 0 0 0 0 0 0 0 0 0 0 0 0 0 0 0 0 0 0 0 0 0 0 0 0 0 0 0 0 0 0 0 0 0 0 0
0 0 0 0 0 0 0 0 0 0 0 0 0 0 0 0 0 0 0 0 0 0 0 0 0 0 0 0 0 0 0 0 0 0 0 0
0 0 0 0 0 0 0 0 0 0 0 0 0 0 0 0 0 0 0 0 0 0 0 0 0 0 0 0 0 0 0 0 0 0 0 0
0 0 0 0 0 0 0 0 0 0 0 0 0 0 0 0 0 0 0 0
##$OFFSF= (0..7)
0 0 0 0 0 0 0 0
##$OFFSH= (0..7)
0 0 0 0 0 0 0 0
##$OFFSX= (0..7)
0 0 0 0 0 0 0 0
##$OFFSXAS= (0..7)
0 0 0 0 0 0 0 0
##$OFSF1= 0
##$OFSF2= 0
##$OFSH1= 0
##$OFSH2= 0
##$OFSH3= 0
##$OFSX1= 0
##$OFSX2= 0
##$OFSY= 0
##$PACOIL= (0..15)
0 0 0 0 0 0 0 0 0 0 0 0 0 0 0 0
##$PRECHAN= (0..15)
-1 3 0 1 4 2 -1 -1 -1 -1 -1 -1 -1 -1 -1 -1
##$RECPRE= (0..15)
-1 0 -1 -1 -1 -1 -1 -1 -1 -1 -1 -1 -1 -1 -1 -1
##$RECPRFX= (0..15)
1 0 0 0 0 0 0 0 0 0 0 0 0 0 0 0
##$RECSEL= (0..15)
0 0 0 0 1 0 0 0 0 0 0 0 0 0 0 0
##$SELREC= (0..9)
0 0 0 0 0 0 0 0 0 0
##$SFO1= 700.334325
##$SFO2= 176.098119
##$SFO3= 700.33
##$SFO4= 700.33
##$SFO5= 700.334324
##$SFO6= 700.334324
##$SFO7= 700.334324
##$SFO8= 700.334324
##$TY= (0..123)
0 0 0 0 0 0 0 0 0 0 0 0 0 0 0 0 0 0 0 0 0 0 0 0 0 0 0 0 0 0 0 0 0 0 0 0
0 0 0 0 0 0 0 0 0 0 0 0 0 0 0 0 0 0 0 0 0 0 0 0 0 0 0 0 0 0 0 0 0 0 0 0
0 0 0 0 0 0 0 0 0 0 0 0 0 0 0 0 0 0 0 0 0 0 0 0 0 0 0 0 0 0 0 0 0 0 0 0
0 0 0 0 0 0 0 0 0 0 0 0 0 0 0 0
##END=
