##TITLE= Parameter file, TOPSPIN		Version 3.1
##JCAMPDX= 5.0
##DATATYPE= Parameter Values
##NPOINTS= 151	$$ modification sequence number
##ORIGIN= Bruker BioSpin GmbH
##OWNER= hashimi
$$ 2018-08-18 21:25:30.841 -0400  hashimi@EP-10018760
$$ /opt/topspin3.1/hashimi/hs_20180818_A6-DNA-T6lb_HSQC_5.4_10C/6/acqu2s
$$ process /opt/topspin3.1/prog/mod/go
##$ACQT0= 0
##$BF1= 70.948117
##$FnMODE= 5
##$NUC1= <15N>
##$NusJSP= 0
##$NusT2= 1
##$NusTD= 150
##$O1= 10469.1254289551
##$SFO1= 70.958586125429
##$SW= 25.9917507296438
##$SW_h= 1844.33788270011
##$TD= 150
##END=
