##TITLE= Parameter file, TOPSPIN		Version 3.1
##JCAMPDX= 5.0
##DATATYPE= Parameter Values
##NPOINTS= 2	$$ modification sequence number
##ORIGIN= Bruker BioSpin GmbH
##OWNER= hashimi
$$ 2018-08-18 21:06:11.635 -0400  hashimi@EP-10018760
$$ /opt/topspin3.1/hashimi/hs_20180818_A6-DNA-T6lb_HSQC_5.4_10C/6/acqu2
$$ process /opt/topspin3.1/prog/mod/dataserver
##$ACQT0= 0
##$BF1= 70.948117
##$FnMODE= 5
##$NUC1= <15N>
##$NusJSP= 0
##$NusT2= 1
##$NusTD= 0
##$O1= 10469.1254289551
##$SFO1= 70.958586125429
##$SW= 25.9917863309012
##$SW_h= 1844.340408915
##$TD= 150
##END=
