##TITLE= Parameter file, XWIN-NMR		Version 3.6
##JCAMPDX= 5.0
##DATATYPE= Parameter Values
##ORIGIN= UXNMR, Bruker Analytische Messtechnik GmbH
##OWNER= psm
$$ Sat Jul  9 15:40:31 2011 EDT (UT-4h)  hashimi@bloch600
$$ /opt/xwinnmr/data/hashimi/nmr/evgenia_AT6ul_m1dG10A16_pH5.2_09Jul11/11/acqu
##$AMP= (0..31)
100 100 100 100 100 100 100 100 100 100 100 100 100 100 100 100 100 100 
100 100 100 100 100 100 100 100 100 100 100 100 100 100 
##$AQSEQ= 0
##$AQ_mod= 3
##$AUNM= <au_getlinv>
##$AUTOPOS= <>
##$BF1= 600.13
##$BF2= 150.902809
##$BF3= 60.810645
##$BF4= 600.13
##$BF5= 600.13
##$BF6= 600.12
##$BF7= 600.12
##$BF8= 600.12
##$BYTORDA= 0
##$CFDGTYP= 2
##$CFRGTYP= 5
##$CHEMSTR= <none>
##$CNST= (0..31)
1 1 200 1 1 1 1 1 1 1 1 1 1 1 1 1 1 -0.5 1 1 1 80 30 20 1 1 1 1 1 1 1 
1 
##$CPDPRG= <garp>
##$CPDPRG1= <>
##$CPDPRG2= <garp>
##$CPDPRG3= <>
##$CPDPRG4= <mlev>
##$CPDPRG5= <mlev>
##$CPDPRG6= <mlev>
##$CPDPRG7= <mlev>
##$CPDPRG8= <mlev>
##$CPDPRGB= <>
##$CPDPRGT= <>
##$D= (0..31)
3e-06 1.2 0.00345 0.0023 0.001725 0 0 0.484 0 0.06 0 0.03 2e-05 3e-06 
0 0 0.00015 0 0 0 0 0 0 0 0.012 0 0 0 0 0 0 0 
##$DATE= 0
##$DBL= (0..7)
120 120 120 120 120 120 120 120 
##$DBP= (0..7)
150 150 150 150 150 150 150 150 
##$DBP07= 0
##$DBPNAM0= <>
##$DBPNAM1= <>
##$DBPNAM2= <>
##$DBPNAM3= <>
##$DBPNAM4= <>
##$DBPNAM5= <>
##$DBPNAM6= <>
##$DBPNAM7= <>
##$DBPOAL= (0..7)
0.5 0.5 0.5 0.5 0.5 0.5 0.5 0.5 
##$DBPOFFS= (0..7)
0 0 0 0 0 0 0 0 
##$DE= 6
##$DECBNUC= <off>
##$DECIM= 24
##$DECNUC= <off>
##$DECSTAT= 4
##$DIGMOD= 1
##$DIGTYP= 8
##$DL= (0..7)
120 120 120 120 120 120 120 120 
##$DP= (0..7)
150 150 150 150 150 150 150 150 
##$DP07= 0
##$DPNAME0= <>
##$DPNAME1= <>
##$DPNAME2= <>
##$DPNAME3= <>
##$DPNAME4= <>
##$DPNAME5= <>
##$DPNAME6= <>
##$DPNAME7= <>
##$DPOAL= (0..7)
0.5 0.5 0.5 0.5 0.5 0.5 0.5 0.5 
##$DPOFFS= (0..7)
0 0 0 0 0 0 0 0 
##$DQDMODE= 0
##$DR= 18
##$DS= 32
##$DSLIST= <SSSSSSSSSSSSSSS>
##$DSPFIRM= 0
##$DSPFVS= 0
##$DTYPA= 0
##$EXP= <PS done>
##$F1LIST= <111111111111111>
##$F2LIST= <222222222222222>
##$F3LIST= <333333333333333>
##$FCUCHAN= (0..9)
0 2 1 3 0 0 0 0 0 0 
##$FL1= 90
##$FL2= 90
##$FL3= 90
##$FL4= 90
##$FOV= 20
##$FQ1LIST= <freqlist>
##$FQ2LIST= <freqlist>
##$FQ3LIST= <freqlist>
##$FQ4LIST= <freqlist>
##$FQ5LIST= <freqlist>
##$FQ6LIST= <freqlist>
##$FQ7LIST= <freqlist>
##$FQ8LIST= <freqlist>
##$FS= (0..7)
83 83 83 83 83 83 83 83 
##$FTLPGN= 0
##$FW= 125000
##$FnMODE= 0
##$GP031= 0
##$GPNAM0= <SINE.100>
##$GPNAM1= <SMSQ10.100>
##$GPNAM10= <SINE.100>
##$GPNAM11= <SINE.100>
##$GPNAM12= <SINE.100>
##$GPNAM13= <SINE.100>
##$GPNAM14= <SINE.100>
##$GPNAM15= <SINE.100>
##$GPNAM16= <SINE.100>
##$GPNAM17= <SINE.100>
##$GPNAM18= <SINE.100>
##$GPNAM19= <SINE.100>
##$GPNAM2= <SMSQ10.100>
##$GPNAM20= <SINE.100>
##$GPNAM21= <SINE.100>
##$GPNAM22= <SINE.100>
##$GPNAM23= <SINE.100>
##$GPNAM24= <SINE.100>
##$GPNAM25= <SINE.100>
##$GPNAM26= <SINE.100>
##$GPNAM27= <SINE.100>
##$GPNAM28= <SINE.100>
##$GPNAM29= <SINE.100>
##$GPNAM3= <SINE.100>
##$GPNAM30= <SINE.100>
##$GPNAM31= <SINE.100>
##$GPNAM4= <SINE.100>
##$GPNAM5= <SINE.100>
##$GPNAM6= <SINE.100>
##$GPNAM7= <SINE.100>
##$GPNAM8= <SINE.100>
##$GPNAM9= <SINE.100>
##$GPX= (0..31)
0 0 0 0 0 0 0 0 0 0 0 0 0 0 0 0 0 0 0 0 0 0 0 0 0 0 0 0 0 0 0 0 
##$GPY= (0..31)
0 0 0 0 0 0 0 0 0 0 0 0 0 0 0 0 0 0 0 0 0 0 0 0 0 0 0 0 0 0 0 0 
##$GPZ= (0..31)
0 80 20.1 11 -5 0 0 0 0 0 0 0 0 0 0 0 0 0 0 0 0 0 0 0 0 0 0 0 0 0 0 0 
##$GRDPROG= <3sine>
##$HDDUTY= 20
##$HDRATE= 20
##$HGAIN= (0..3)
0 0 0 0 
##$HL1= 256
##$HL2= 90
##$HL3= 90
##$HL4= 90
##$HOLDER= 0
##$HPMOD= (0..7)
0 0 0 0 0 0 0 0 
##$HPPRGN= 0
##$IN= (0..31)
0.000150586994515158 0.001 0.001 0.001 0.001 0.001 0.001 0.001 0.001 0.001 
0.001 0.001 0.001 0.001 0.001 0.001 0.001 0.001 0.001 0.001 0.001 0.001 
0.001 0.001 0.001 0.001 0.001 0.001 0.001 0.001 0.001 0.001 
##$INP= (0..31)
0 0 0 0 0 0 0 0 0 0 0 0 0 0 0 0 0 0 0 0 0 0 0 0 0 0 0 0 0 0 0 0 
##$INSTRUM= <>
##$L= (0..31)
1 1 1 1 1 1 1 1 1 1 1 1 1 1 1 1 1 1 1 1 1 1 1 1 1 1 1 1 1 1 1 1 
##$LFILTER= 10
##$LGAIN= -10
##$LOCKED= no
##$LOCKFLD= 0
##$LOCKGN= 0
##$LOCKPOW= -20
##$LOCKPPM= 0
##$LOCNUC= <2H>
##$LOCPHAS= 0
##$LOCSHFT= yes
##$LTIME= 0.1
##$MASR= 4200
##$MASRLST= <masrlst>
##$NBL= 1
##$NC= 0
##$NS= 48
##$NUC1= <1H>
##$NUC2= <13C>
##$NUC3= <15N>
##$NUC4= <off>
##$NUC5= <off>
##$NUC6= <off>
##$NUC7= <off>
##$NUC8= <off>
##$NUCLEI= 0
##$NUCLEUS= <off>
##$O1= 2815.729
##$O2= 21730.0044960211
##$O3= 7175.65611000026
##$O4= 0
##$O5= 0
##$O6= -99990000
##$O7= -99990000
##$O8= -99990000
##$OBSCHAN= (0..9)
0 0 0 0 0 0 0 0 0 0 
##$OVERFLW= 0
##$P= (0..31)
8.3 14.69 16.6 16 24.8 16.5 25 50 13.2 0 0 0 0 22 32 200000 1000 0 0 600 
25 0 0 0 32 100 2500 8.3 0 500 0 65 
##$PAPS= 2
##$PARMODE= 1
##$PCPD= (0..9)
100 100 75 100 100 100 100 100 100 100 
##$PHCOR= (0..31)
0 0 0 0 0 0 0 0 0 0 0 0 0 0 0 0 0 0 0 0 0 0 0 0 0 0 0 0 0 0 0 0 
##$PHP= 1
##$PH_ref= 0
##$PL= (0..31)
120 -4 -4 120 120 120 120 120 120 52.52 10.58 22.62 8.6 120 120 120 120 
120 1 17.43 120 120 120 120 120 120 120 22.62 120 120 120 120 
##$POWMOD= 0
##$PR= 3
##$PRECHAN= (0..15)
-1 3 0 4 -1 -1 1 2 -1 -1 -1 -1 -1 -1 -1 -1 
##$PRGAIN= 0
##$PROBHD= <32>
##$PROSOL= no
##$PULPROG= <hsqcetgp>
##$PW= 0
##$QNP= 1
##$RD= 0
##$RECCHAN= (0..15)
-1 -1 -1 -1 -1 -1 -1 -1 -1 -1 -1 -1 -1 -1 -1 -1 
##$RECPH= 0
##$RG= 2048
##$RO= 0
##$ROUTWD1= (0..23)
0 0 0 0 0 1 0 0 0 0 0 0 0 0 0 1 0 0 0 0 0 0 0 0 
##$ROUTWD2= (0..23)
1 0 0 0 0 1 0 0 0 0 0 0 0 0 0 0 0 0 0 0 0 0 0 0 
##$RPUUSED= (0..8)
0 0 0 0 0 0 0 0 0 
##$RSEL= (0..9)
0 1 2 3 0 0 0 0 0 0 
##$S= (0..7)
83 83 83 83 83 83 83 83 
##$SEOUT= 0
##$SFO1= 600.132815729
##$SFO2= 150.924539004496
##$SFO3= 60.81782065611
##$SFO4= 600.13
##$SFO5= 600.13
##$SFO6= 500.13
##$SFO7= 500.13
##$SFO8= 500.13
##$SOLVENT= <H2O+D2O>
##$SP= (0..31)
1 120 120 -4 0 0 120 -4 0 0 0 0 0 0 0 0 150 150 150 150 150 150 150 150 
150 150 150 150 150 150 150 150 
##$SP07= 0
##$SPECTR= 0
##$SPNAM0= <gauss>
##$SPNAM1= <Gaus1.1000>
##$SPNAM10= <gauss>
##$SPNAM11= <gauss>
##$SPNAM12= <gauss>
##$SPNAM13= <gauss>
##$SPNAM14= <gauss>
##$SPNAM15= <gauss>
##$SPNAM16= <gauss>
##$SPNAM17= <gauss>
##$SPNAM18= <gauss>
##$SPNAM19= <gauss>
##$SPNAM2= <Gaus1.1000>
##$SPNAM20= <gauss>
##$SPNAM21= <gauss>
##$SPNAM22= <gauss>
##$SPNAM23= <gauss>
##$SPNAM24= <gauss>
##$SPNAM25= <gauss>
##$SPNAM26= <gauss>
##$SPNAM27= <gauss>
##$SPNAM28= <gauss>
##$SPNAM29= <gauss>
##$SPNAM3= <square>
##$SPNAM30= <gauss>
##$SPNAM31= <gauss>
##$SPNAM4= <gauss>
##$SPNAM5= <gauss>
##$SPNAM6= <Gaus1.1000>
##$SPNAM7= <square>
##$SPNAM8= <gauss>
##$SPNAM9= <gauss>
##$SPOAL= (0..31)
0.5 0.5 0.5 0.5 0.5 0.5 0.5 0.5 0.5 0.5 0.5 0.5 0.5 0.5 0.5 0.5 0.5 0.5 
0.5 0.5 0.5 0.5 0.5 0.5 0.5 0.5 0.5 0.5 0.5 0.5 0.5 0.5 
##$SPOFFS= (0..31)
0 0 0 0 0 0 0 0 0 0 0 0 0 0 0 0 0 0 0 0 0 0 0 0 0 0 0 0 0 0 0 0 
##$SUBNAM0= <"">
##$SUBNAM1= <"">
##$SUBNAM2= <"">
##$SUBNAM3= <"">
##$SUBNAM4= <"">
##$SUBNAM5= <"">
##$SUBNAM6= <"">
##$SUBNAM7= <"">
##$SUBNAM8= <"">
##$SUBNAM9= <"">
##$SW= 11.9705302854511
##$SWIBOX= (0..15)
0 1 2 3 0 0 6 7 0 0 0 0 0 0 0 0 
##$SW_h= 7183.90804597701
##$TD= 1146
##$TD0= 1
##$TE= 299.15
##$TE2= 300
##$TE3= 300
##$TEG= 300
##$TL= (0..7)
120 120 120 120 120 120 120 120 
##$TP= (0..7)
150 150 150 150 150 150 150 150 
##$TP07= 0
##$TPNAME0= <>
##$TPNAME1= <>
##$TPNAME2= <>
##$TPNAME3= <>
##$TPNAME4= <>
##$TPNAME5= <>
##$TPNAME6= <>
##$TPNAME7= <>
##$TPOAL= (0..7)
0.5 0.5 0.5 0.5 0.5 0.5 0.5 0.5 
##$TPOFFS= (0..7)
0 0 0 0 0 0 0 0 
##$TUNHIN= 0
##$TUNHOUT= 0
##$TUNXOUT= 0
##$USERA1= <user>
##$USERA2= <user>
##$USERA3= <user>
##$USERA4= <user>
##$USERA5= <user>
##$V9= 5
##$VALIST= <valist>
##$VCLIST= <CCCCCCCCCCCCCCC>
##$VD= 0
##$VDLIST= <DDDDDDDDDDDDDDD>
##$VPLIST= <PPPPPPPPPPPPPPP>
##$VTLIST= <TTTTTTTTTTTTTTT>
##$WBST= 1024
##$WBSW= 2
##$XGAIN= (0..3)
0 0 0 0 
##$XL= 0
##$YL= 0
##$YMAX_a= 0
##$YMIN_a= 0
##$ZGOPTNS= <>
##$ZL1= 120
##$ZL2= 120
##$ZL3= 120
##$ZL4= 120
##END=
