##TITLE= Parameter file, TOPSPIN		Version 3.1
##JCAMPDX= 5.0
##DATATYPE= Parameter Values
##NPOINTS= 2	$$ modification sequence number
##ORIGIN= Bruker BioSpin GmbH
##OWNER= hashimi
$$ 2018-09-04 20:21:55.739 -0400  hashimi@EP-10018760
$$ /opt/topspin3.1/hashimi/hs_20180904_A6-ulb-DNA_HSQC_6.8_25C/3/acqu2
$$ process /opt/topspin3.1/prog/mod/dataserver
##$ACQT0= 0
##$BF1= 176.059144
##$FnMODE= 6
##$NUC1= <13C>
##$NusJSP= 0
##$NusT2= 1
##$NusTD= 0
##$O1= 25092.83
##$SFO1= 176.08423683
##$SW= 24.9918284749623
##$SW_h= 4400.667044
##$TD= 250
##END=
